NUGET
  remote: https://api.nuget.org/v3/index.json
    Azure.Core (1.17) - restriction: >= netcoreapp3.1
      Microsoft.Bcl.AsyncInterfaces (>= 1.0) - restriction: || (>= net461) (>= netstandard2.0)
      System.Buffers (>= 4.5.1) - restriction: || (>= net461) (>= netstandard2.0)
      System.Diagnostics.DiagnosticSource (>= 4.6) - restriction: || (>= net461) (>= netstandard2.0)
      System.Memory (>= 4.5.4) - restriction: || (>= net461) (>= netstandard2.0)
      System.Memory.Data (>= 1.0.2) - restriction: || (>= net461) (>= netstandard2.0)
      System.Numerics.Vectors (>= 4.5) - restriction: || (>= net461) (>= netstandard2.0)
      System.Text.Encodings.Web (>= 4.7.2) - restriction: || (>= net461) (>= netstandard2.0)
      System.Text.Json (>= 4.6) - restriction: || (>= net461) (>= netstandard2.0)
      System.Threading.Tasks.Extensions (>= 4.5.2) - restriction: || (>= net461) (>= netstandard2.0)
    Azure.Identity (1.4.1) - restriction: >= netcoreapp3.1
      Azure.Core (>= 1.17) - restriction: >= netstandard2.0
      Microsoft.Identity.Client (>= 4.30.1) - restriction: >= netstandard2.0
      Microsoft.Identity.Client.Extensions.Msal (>= 2.18.4) - restriction: >= netstandard2.0
      System.Memory (>= 4.5.4) - restriction: >= netstandard2.0
      System.Security.Cryptography.ProtectedData (>= 4.5) - restriction: >= netstandard2.0
      System.Text.Json (>= 4.6) - restriction: >= netstandard2.0
      System.Threading.Tasks.Extensions (>= 4.5.2) - restriction: >= netstandard2.0
    BouncyCastle.NetCore (1.8.8) - restriction: >= netcoreapp3.1
    FSharp.Compiler.Service (40.0)
      FSharp.Core (5.0.2) - restriction: >= netstandard2.0
      Microsoft.Build.Framework (>= 16.9) - restriction: >= netstandard2.0
      Microsoft.Build.Tasks.Core (>= 16.9) - restriction: >= netstandard2.0
      Microsoft.Build.Utilities.Core (>= 16.9) - restriction: >= netstandard2.0
      System.Buffers (>= 4.5.1) - restriction: >= netstandard2.0
      System.Collections.Immutable (>= 5.0) - restriction: >= netstandard2.0
      System.Diagnostics.Process (>= 4.3) - restriction: >= netstandard2.0
      System.Diagnostics.TraceSource (>= 4.3) - restriction: >= netstandard2.0
      System.Linq.Expressions (>= 4.3) - restriction: >= netstandard2.0
      System.Linq.Queryable (>= 4.3) - restriction: >= netstandard2.0
      System.Memory (>= 4.5.4) - restriction: >= netstandard2.0
      System.Net.Requests (>= 4.3) - restriction: >= netstandard2.0
      System.Net.Security (>= 4.3) - restriction: >= netstandard2.0
      System.Reflection.Emit (>= 4.3) - restriction: >= netstandard2.0
      System.Reflection.Metadata (>= 5.0) - restriction: >= netstandard2.0
      System.Reflection.TypeExtensions (>= 4.3) - restriction: >= netstandard2.0
      System.Runtime (>= 4.3) - restriction: >= netstandard2.0
      System.Runtime.InteropServices (>= 4.3) - restriction: >= netstandard2.0
      System.Runtime.Loader (>= 4.3) - restriction: >= netstandard2.0
      System.Security.Claims (>= 4.3) - restriction: >= netstandard2.0
      System.Security.Cryptography.Algorithms (>= 4.3) - restriction: >= netstandard2.0
      System.Security.Principal (>= 4.3) - restriction: >= netstandard2.0
      System.Threading.Tasks.Parallel (>= 4.3) - restriction: >= netstandard2.0
      System.Threading.Thread (>= 4.3) - restriction: >= netstandard2.0
      System.Threading.ThreadPool (>= 4.3) - restriction: >= netstandard2.0
    FSharp.Core (5.0.2)
    FSharp.SystemTextJson (0.17.4) - restriction: >= netcoreapp3.1
      FSharp.Core (>= 4.7) - restriction: >= netstandard2.0
      System.Text.Json (>= 4.6) - restriction: >= netstandard2.0
    FsToolkit.ErrorHandling (2.7) - restriction: >= netcoreapp3.1
      FSharp.Core (>= 4.6.2) - restriction: >= netstandard2.0
    Google.Protobuf (3.17.3) - restriction: >= netcoreapp3.1
      System.Memory (>= 4.5.3) - restriction: || (>= net45) (&& (< net5.0) (>= netstandard2.0)) (&& (>= netstandard1.1) (< netstandard2.0))
      System.Runtime.CompilerServices.Unsafe (>= 4.5.2) - restriction: && (< net45) (< net5.0) (>= netstandard2.0)
    K4os.Compression.LZ4 (1.2.12) - restriction: >= netcoreapp3.1
      System.Memory (>= 4.5.4) - restriction: || (&& (>= net45) (< netstandard1.6)) (&& (< net45) (>= netstandard1.6) (< netstandard2.0)) (&& (< net45) (>= netstandard2.0)) (>= net46) (>= net5.0)
      System.Runtime.CompilerServices.Unsafe (>= 5.0) - restriction: || (&& (>= net45) (< netstandard1.6)) (&& (< net45) (>= netstandard1.6) (< netstandard2.0)) (&& (< net45) (>= netstandard2.0)) (>= net46) (>= net5.0)
    K4os.Compression.LZ4.Streams (1.2.12) - restriction: >= netcoreapp3.1
      K4os.Compression.LZ4 (>= 1.2.12) - restriction: || (&& (>= net45) (< netstandard1.6)) (&& (< net45) (>= netstandard1.6) (< netstandard2.0)) (&& (< net45) (>= netstandard2.0)) (>= net46) (>= netstandard2.1)
      K4os.Hash.xxHash (>= 1.0.6) - restriction: || (&& (>= net45) (< netstandard1.6)) (&& (< net45) (>= netstandard1.6) (< netstandard2.0)) (&& (< net45) (>= netstandard2.0)) (>= net46) (>= netstandard2.1)
    K4os.Hash.xxHash (1.0.6) - restriction: >= netcoreapp3.1
      System.Memory (>= 4.5.3) - restriction: || (&& (>= net45) (< netstandard1.6)) (&& (< net45) (>= netstandard1.6) (< netstandard2.0)) (&& (< net45) (>= netstandard2.0)) (>= net46)
    Microsoft.Bcl.AsyncInterfaces (5.0) - restriction: >= netcoreapp3.1
    Microsoft.Build.Framework (16.10) - restriction: >= netstandard2.0
      System.Security.Permissions (>= 4.7) - restriction: && (< net472) (>= netstandard2.0)
    Microsoft.Build.Tasks.Core (16.10) - restriction: >= netstandard2.0
      Microsoft.Build.Framework (>= 16.10) - restriction: >= netstandard2.0
      Microsoft.Build.Utilities.Core (>= 16.10) - restriction: >= netstandard2.0
      Microsoft.NET.StringTools (>= 1.0) - restriction: >= netstandard2.0
      Microsoft.VisualStudio.Setup.Configuration.Interop (>= 1.16.30) - restriction: >= net472
      Microsoft.Win32.Registry (>= 4.3) - restriction: && (< net472) (>= netstandard2.0)
      System.CodeDom (>= 4.4) - restriction: && (< net472) (>= netstandard2.0)
      System.Collections.Immutable (>= 5.0) - restriction: >= netstandard2.0
      System.Reflection.Metadata (>= 1.6) - restriction: && (< net472) (>= netstandard2.0)
      System.Resources.Extensions (>= 4.6) - restriction: >= netstandard2.0
      System.Security.Cryptography.Pkcs (>= 4.7) - restriction: && (< net472) (>= netstandard2.0)
      System.Security.Cryptography.Xml (>= 4.7) - restriction: && (< net472) (>= netstandard2.0)
      System.Security.Permissions (>= 4.7) - restriction: && (< net472) (>= netstandard2.0)
      System.Threading.Tasks.Dataflow (>= 4.9) - restriction: >= netstandard2.0
    Microsoft.Build.Utilities.Core (16.10) - restriction: >= netstandard2.0
      Microsoft.Build.Framework (>= 16.10) - restriction: >= netstandard2.0
      Microsoft.NET.StringTools (>= 1.0) - restriction: >= netstandard2.0
      Microsoft.VisualStudio.Setup.Configuration.Interop (>= 1.16.30) - restriction: >= net472
      Microsoft.Win32.Registry (>= 4.3) - restriction: && (< net472) (>= netstandard2.0)
      System.Collections.Immutable (>= 5.0) - restriction: >= netstandard2.0
      System.Configuration.ConfigurationManager (>= 4.7) - restriction: >= netstandard2.0
      System.Security.Permissions (>= 4.7) - restriction: && (< net472) (>= netstandard2.0)
      System.Text.Encoding.CodePages (>= 4.0.1) - restriction: && (< net472) (>= netstandard2.0)
    Microsoft.CSharp (4.7) - restriction: >= netcoreapp3.1
    Microsoft.Data.SqlClient (3.0) - restriction: >= netcoreapp3.1
      Azure.Identity (>= 1.3) - restriction: || (>= net461) (&& (>= netcoreapp2.1) (< netstandard2.1)) (&& (< netcoreapp2.1) (>= netstandard2.0) (< netstandard2.1)) (&& (< netcoreapp2.1) (>= netstandard2.1)) (>= netcoreapp3.1)
      Microsoft.Data.SqlClient.SNI.runtime (>= 3.0) - restriction: || (&& (< net461) (< netcoreapp2.1) (>= netstandard2.0) (< netstandard2.1)) (&& (>= netcoreapp2.1) (< netstandard2.1)) (&& (< netcoreapp2.1) (>= netstandard2.1)) (>= netcoreapp3.1)
      Microsoft.Identity.Client (>= 4.22) - restriction: || (>= net461) (&& (>= netcoreapp2.1) (< netstandard2.1)) (&& (< netcoreapp2.1) (>= netstandard2.0) (< netstandard2.1)) (&& (< netcoreapp2.1) (>= netstandard2.1)) (>= netcoreapp3.1)
      Microsoft.IdentityModel.JsonWebTokens (>= 6.8) - restriction: || (>= net461) (&& (>= netcoreapp2.1) (< netstandard2.1)) (&& (< netcoreapp2.1) (>= netstandard2.0) (< netstandard2.1)) (&& (< netcoreapp2.1) (>= netstandard2.1)) (>= netcoreapp3.1)
      Microsoft.IdentityModel.Protocols.OpenIdConnect (>= 6.8) - restriction: || (>= net461) (&& (>= netcoreapp2.1) (< netstandard2.1)) (&& (< netcoreapp2.1) (>= netstandard2.0) (< netstandard2.1)) (&& (< netcoreapp2.1) (>= netstandard2.1)) (>= netcoreapp3.1)
      Microsoft.Win32.Registry (>= 4.7) - restriction: || (&& (< net461) (< netcoreapp2.1) (>= netstandard2.0) (< netstandard2.1)) (&& (>= netcoreapp2.1) (< netstandard2.1)) (&& (< netcoreapp2.1) (>= netstandard2.1)) (>= netcoreapp3.1)
      System.Configuration.ConfigurationManager (>= 4.7) - restriction: || (>= net461) (&& (>= netcoreapp2.1) (< netstandard2.1)) (&& (< netcoreapp2.1) (>= netstandard2.0) (< netstandard2.1)) (&& (< netcoreapp2.1) (>= netstandard2.1)) (>= netcoreapp3.1)
      System.Diagnostics.DiagnosticSource (>= 4.7) - restriction: || (&& (>= netcoreapp2.1) (< netstandard2.1)) (>= netcoreapp3.1)
      System.Runtime.Caching (>= 4.7) - restriction: || (&& (< net461) (< netcoreapp2.1) (>= netstandard2.0) (< netstandard2.1)) (&& (>= netcoreapp2.1) (< netstandard2.1)) (&& (< netcoreapp2.1) (>= netstandard2.1)) (>= netcoreapp3.1)
      System.Security.Principal.Windows (>= 4.7) - restriction: || (&& (< net461) (< netcoreapp2.1) (>= netstandard2.0) (< netstandard2.1)) (&& (>= netcoreapp2.1) (< netstandard2.1)) (&& (< netcoreapp2.1) (>= netstandard2.1)) (>= netcoreapp3.1)
      System.Text.Encoding.CodePages (>= 4.7) - restriction: || (&& (< net461) (< netcoreapp2.1) (>= netstandard2.0) (< netstandard2.1)) (&& (>= netcoreapp2.1) (< netstandard2.1)) (&& (< netcoreapp2.1) (>= netstandard2.1)) (>= netcoreapp3.1)
      System.Text.Encodings.Web (>= 4.7.2) - restriction: || (>= net461) (&& (>= netcoreapp2.1) (< netstandard2.1)) (&& (< netcoreapp2.1) (>= netstandard2.0) (< netstandard2.1)) (&& (< netcoreapp2.1) (>= netstandard2.1)) (>= netcoreapp3.1)
    Microsoft.Data.SqlClient.SNI.runtime (3.0) - restriction: >= netcoreapp3.1
    Microsoft.Data.Sqlite (5.0.9) - restriction: >= netcoreapp3.1
      Microsoft.Data.Sqlite.Core (>= 5.0.9) - restriction: >= netstandard2.0
      SQLitePCLRaw.bundle_e_sqlite3 (>= 2.0.4) - restriction: >= netstandard2.0
    Microsoft.Data.Sqlite.Core (5.0.9) - restriction: >= netcoreapp3.1
      SQLitePCLRaw.core (>= 2.0.4) - restriction: >= netstandard2.0
    Microsoft.Identity.Client (4.35.1) - restriction: >= netcoreapp3.1
      Microsoft.CSharp (>= 4.5) - restriction: || (&& (< monoandroid9.0) (< net45) (< netcoreapp2.1) (>= netstandard1.3) (< xamarinmac)) (>= uap10.0) (>= xamarinios)
      Microsoft.Web.WebView2 (>= 1.0.864.35) - restriction: >= net5.0-windows10.0.17763.0
      System.ComponentModel.TypeConverter (>= 4.3) - restriction: || (&& (< monoandroid9.0) (< net45) (< netcoreapp2.1) (>= netstandard1.3) (< uap10.0) (< xamarinmac)) (>= xamarinios)
      System.Runtime.Serialization.Formatters (>= 4.3) - restriction: || (&& (< monoandroid9.0) (< net45) (< netcoreapp2.1) (>= netstandard1.3) (< xamarinmac)) (>= uap10.0) (>= xamarinios)
      System.Runtime.Serialization.Primitives (>= 4.3) - restriction: || (&& (< monoandroid9.0) (< net45) (< netcoreapp2.1) (>= netstandard1.3) (< xamarinmac)) (>= uap10.0) (>= xamarinios)
      System.Security.SecureString (>= 4.3) - restriction: || (>= monoandroid10.0) (&& (>= monoandroid9.0) (< netcoreapp2.1)) (&& (< monoandroid9.0) (< net45) (< netcoreapp2.1) (>= netstandard1.3) (< xamarinmac)) (>= uap10.0) (>= xamarinios)
      System.Xml.XmlDocument (>= 4.3) - restriction: || (&& (< monoandroid9.0) (< net45) (< netcoreapp2.1) (>= netstandard1.3) (< uap10.0) (< xamarinmac)) (>= xamarinios)
      Xamarin.AndroidX.Browser (>= 1.0) - restriction: >= monoandroid10.0
    Microsoft.Identity.Client.Extensions.Msal (2.18.9) - restriction: >= netcoreapp3.1
      Microsoft.Identity.Client (>= 4.35.1) - restriction: || (>= net45) (>= netstandard2.0)
      System.Security.Cryptography.ProtectedData (>= 4.5) - restriction: || (&& (< net45) (>= netstandard2.0)) (>= netcoreapp2.1)
    Microsoft.IdentityModel.JsonWebTokens (6.12.1) - restriction: >= netcoreapp3.1
      Microsoft.IdentityModel.Tokens (>= 6.12.1) - restriction: || (&& (>= net45) (< netstandard2.0)) (&& (< net45) (>= netstandard2.0)) (>= net461)
    Microsoft.IdentityModel.Logging (6.12.1) - restriction: >= netcoreapp3.1
    Microsoft.IdentityModel.Protocols (6.12.1) - restriction: >= netcoreapp3.1
      Microsoft.IdentityModel.Logging (>= 6.12.1) - restriction: || (&& (>= net45) (< netstandard2.0)) (&& (< net45) (>= netstandard2.0)) (>= net461)
      Microsoft.IdentityModel.Tokens (>= 6.12.1) - restriction: || (&& (>= net45) (< netstandard2.0)) (&& (< net45) (>= netstandard2.0)) (>= net461)
    Microsoft.IdentityModel.Protocols.OpenIdConnect (6.12.1) - restriction: >= netcoreapp3.1
      Microsoft.IdentityModel.Protocols (>= 6.12.1) - restriction: || (&& (>= net45) (< netstandard2.0)) (&& (< net45) (>= netstandard2.0)) (>= net461)
      System.IdentityModel.Tokens.Jwt (>= 6.12.1) - restriction: || (&& (>= net45) (< netstandard2.0)) (&& (< net45) (>= netstandard2.0)) (>= net461)
    Microsoft.IdentityModel.Tokens (6.12.1) - restriction: >= netcoreapp3.1
      Microsoft.CSharp (>= 4.5) - restriction: && (< net45) (>= netstandard2.0)
      Microsoft.IdentityModel.Logging (>= 6.12.1) - restriction: || (&& (>= net45) (< netstandard2.0)) (&& (< net45) (>= netstandard2.0)) (>= net461)
      System.Security.Cryptography.Cng (>= 4.5) - restriction: && (< net45) (>= netstandard2.0)
    Microsoft.NET.StringTools (1.0) - restriction: >= netstandard2.0
      System.Memory (>= 4.5.4) - restriction: >= netstandard2.0
      System.Runtime.CompilerServices.Unsafe (>= 5.0) - restriction: >= netstandard2.0
    Microsoft.NETCore.Platforms (5.0.2) - restriction: || (&& (< monoandroid) (>= netcoreapp3.1) (< netstandard1.1)) (&& (< monoandroid) (>= netcoreapp3.1) (< netstandard1.3)) (&& (< monoandroid) (>= netcoreapp3.1) (< xamarinios) (< xamarinmac) (< xamarintvos) (< xamarinwatchos)) (&& (< net45) (>= netstandard2.0)) (&& (< net46) (>= netstandard2.0) (< xamarinios) (< xamarinmac) (< xamarintvos) (< xamarinwatchos)) (>= netcoreapp2.0) (&& (>= netcoreapp3.0) (< xamarinios) (< xamarinmac) (< xamarintvos) (< xamarinwatchos)) (&& (< netstandard1.0) (>= netstandard2.0) (< portable-net45+win8)) (&& (< netstandard1.0) (>= netstandard2.0) (>= win8)) (&& (< netstandard1.0) (>= netstandard2.0) (< win8)) (&& (< netstandard1.3) (>= netstandard2.0) (< win8) (>= wpa81)) (&& (< netstandard1.5) (>= netstandard2.0) (>= uap10.0)) (&& (>= netstandard2.0) (< portable-net45+win8+wpa81)) (&& (>= netstandard2.0) (>= uap10.1)) (&& (>= netstandard2.0) (>= wp8))
    Microsoft.NETCore.Targets (5.0) - restriction: || (&& (< monoandroid) (< net45) (< netstandard1.2) (>= netstandard2.0) (< win8)) (&& (< monoandroid) (< net45) (< netstandard1.3) (>= netstandard2.0) (< win8) (< wpa81)) (&& (< monoandroid) (< net45) (< netstandard1.5) (>= netstandard2.0) (< win8) (< wpa81)) (&& (< monoandroid) (>= netcoreapp3.1) (< netstandard1.1)) (&& (< monoandroid) (>= netcoreapp3.1) (< netstandard1.3)) (&& (< monoandroid) (>= netcoreapp3.1) (< xamarinios) (< xamarinmac) (< xamarintvos) (< xamarinwatchos)) (&& (< net45) (>= netstandard2.0) (< win8) (< wpa81) (< xamarinios) (< xamarinmac) (< xamarintvos) (< xamarinwatchos)) (&& (< net46) (>= netstandard2.0) (< xamarinios) (< xamarinmac) (< xamarintvos) (< xamarinwatchos))
    Microsoft.VisualStudio.Setup.Configuration.Interop (1.16.30) - restriction: >= net472
    Microsoft.Web.WebView2 (1.0.902.49) - restriction: >= net5.0-windows10.0.17763.0
    Microsoft.Win32.Primitives (4.3) - restriction: && (< net46) (>= netstandard2.0) (< xamarinios) (< xamarinmac) (< xamarintvos) (< xamarinwatchos)
      Microsoft.NETCore.Platforms (>= 1.1) - restriction: && (< monoandroid) (< monotouch) (< net46) (>= netstandard1.3) (< xamarinios) (< xamarinmac) (< xamarintvos) (< xamarinwatchos)
      Microsoft.NETCore.Targets (>= 1.1) - restriction: && (< monoandroid) (< monotouch) (< net46) (>= netstandard1.3) (< xamarinios) (< xamarinmac) (< xamarintvos) (< xamarinwatchos)
      System.Runtime (>= 4.3) - restriction: && (< monoandroid) (< monotouch) (< net46) (>= netstandard1.3) (< xamarinios) (< xamarinmac) (< xamarintvos) (< xamarinwatchos)
    Microsoft.Win32.Registry (5.0) - restriction: || (&& (< net46) (>= netstandard2.0) (< xamarinios) (< xamarinmac) (< xamarintvos) (< xamarinwatchos)) (&& (< net472) (>= netstandard2.0)) (>= netcoreapp3.1)
      System.Buffers (>= 4.5.1) - restriction: || (&& (>= monoandroid) (< netstandard1.3)) (>= monotouch) (&& (< net46) (< netcoreapp2.0) (>= netstandard2.0)) (>= xamarinios) (>= xamarinmac) (>= xamarintvos) (>= xamarinwatchos)
      System.Security.AccessControl (>= 5.0) - restriction: || (&& (>= monoandroid) (< netstandard1.3)) (&& (< monoandroid) (>= netcoreapp2.0)) (>= monotouch) (&& (< net46) (< netcoreapp2.0) (>= netstandard2.0)) (>= net461) (>= netcoreapp2.1) (>= uap10.1) (>= xamarinios) (>= xamarinmac) (>= xamarintvos) (>= xamarinwatchos)
      System.Security.Principal.Windows (>= 5.0) - restriction: || (&& (>= monoandroid) (< netstandard1.3)) (&& (< monoandroid) (>= netcoreapp2.0)) (>= monotouch) (&& (< net46) (< netcoreapp2.0) (>= netstandard2.0)) (>= net461) (>= netcoreapp2.1) (>= uap10.1) (>= xamarinios) (>= xamarinmac) (>= xamarintvos) (>= xamarinwatchos)
    Microsoft.Win32.SystemEvents (5.0) - restriction: && (>= netcoreapp3.0) (< xamarinios) (< xamarinmac) (< xamarintvos) (< xamarinwatchos)
      Microsoft.NETCore.Platforms (>= 5.0) - restriction: >= netcoreapp2.0
    MySql.Data (8.0.26) - restriction: >= netcoreapp3.1
      BouncyCastle.NetCore (>= 1.8.5) - restriction: || (&& (< net452) (>= netstandard2.0)) (>= netstandard2.1)
      Google.Protobuf (>= 3.14) - restriction: || (>= net452) (>= netstandard2.0)
      K4os.Compression.LZ4 (>= 1.1.11) - restriction: || (>= net452) (>= netstandard2.0)
      K4os.Compression.LZ4.Streams (>= 1.1.11) - restriction: || (>= net452) (>= netstandard2.0)
      K4os.Hash.xxHash (>= 1.0.6) - restriction: || (>= net452) (>= netstandard2.0)
      System.Buffers (>= 4.5.1) - restriction: || (>= net452) (>= netstandard2.0)
      System.Configuration.ConfigurationManager (>= 4.4.1) - restriction: || (&& (< net452) (>= netstandard2.0)) (>= netstandard2.1)
      System.Security.Permissions (>= 4.7) - restriction: || (&& (< net452) (>= netstandard2.0)) (>= netstandard2.1)
      System.Text.Encoding.CodePages (>= 4.4) - restriction: || (&& (< net452) (>= netstandard2.0)) (>= netstandard2.1)
    NETStandard.Library (2.0.3) - restriction: && (< net45) (>= netstandard2.0)
      Microsoft.NETCore.Platforms (>= 1.1) - restriction: || (&& (>= net45) (< netstandard1.3)) (&& (< net45) (>= netstandard1.1) (< netstandard1.2) (< win8)) (&& (< net45) (>= netstandard1.2) (< netstandard1.3) (< win8) (< wpa81)) (&& (< net45) (>= netstandard1.3) (< netstandard1.4) (< win8) (< wpa81)) (&& (< net45) (>= netstandard1.4) (< netstandard1.5) (< win8) (< wpa81)) (&& (< net45) (>= netstandard1.5) (< netstandard1.6) (< win8) (< wpa81)) (&& (< net45) (>= netstandard1.6) (< netstandard2.0) (< win8) (< wpa81)) (&& (< net45) (>= netstandard2.0)) (&& (>= net46) (< netstandard1.4)) (>= net461) (>= netcoreapp2.0) (&& (>= netstandard1.0) (< portable-net45+win8+wpa81)) (&& (< netstandard1.0) (>= portable-net45+win8) (< win8)) (&& (< netstandard1.0) (< portable-net45+win8) (>= portable-net45+win8+wpa81)) (&& (< netstandard1.0) (>= portable-net45+win8+wp8+wpa81) (< portable-net45+win8+wpa81)) (&& (< netstandard1.0) (>= win8)) (&& (< netstandard1.3) (< win8) (>= wpa81)) (&& (< netstandard1.5) (>= uap10.0)) (>= uap10.1) (>= wp8)
    Npgsql (5.0.7) - restriction: >= netcoreapp3.1
      System.Runtime.CompilerServices.Unsafe (>= 4.6) - restriction: >= netstandard2.0
    RepoDb (1.12.7) - restriction: >= netcoreapp3.1
      Microsoft.CSharp (>= 4.7) - restriction: >= netstandard2.0
      System.ComponentModel.Annotations (>= 5.0) - restriction: >= netstandard2.0
      System.Data.Common (>= 4.3) - restriction: >= netstandard2.0
      System.Dynamic.Runtime (>= 4.3) - restriction: >= netstandard2.0
      System.Reflection.Emit (>= 4.7) - restriction: >= netstandard2.0
      System.Reflection.Emit.Lightweight (>= 4.7) - restriction: >= netstandard2.0
      System.Reflection.TypeExtensions (>= 4.7) - restriction: >= netstandard2.0
    RepoDb.MySql (1.1.4) - restriction: >= netcoreapp3.1
      MySql.Data (>= 8.0.22) - restriction: >= netstandard2.0
      RepoDb (>= 1.12.7) - restriction: >= netstandard2.0
    RepoDb.PostgreSql (1.1.3) - restriction: >= netcoreapp3.1
      Npgsql (>= 5.0.3) - restriction: >= netstandard2.0
      RepoDb (>= 1.12.7) - restriction: >= netstandard2.0
    RepoDb.SqLite (1.1.3) - restriction: >= netcoreapp3.1
      Microsoft.Data.Sqlite (>= 5.0.2) - restriction: >= netstandard2.0
      RepoDb (>= 1.12.7) - restriction: >= netstandard2.0
      System.Data.SQLite.Core (>= 1.0.113.7) - restriction: >= netstandard2.0
    RepoDb.SqlServer (1.1.3) - restriction: >= netcoreapp3.1
      Microsoft.Data.SqlClient (>= 2.1.1) - restriction: >= netstandard2.0
      RepoDb (>= 1.12.7) - restriction: >= netstandard2.0
      System.Data.SqlClient (>= 4.8.2) - restriction: >= netstandard2.0
    runtime.debian.8-x64.runtime.native.System.Security.Cryptography.OpenSsl (4.3.3) - restriction: && (< net46) (>= netstandard2.0) (< xamarinios) (< xamarinmac) (< xamarintvos) (< xamarinwatchos)
    runtime.debian.9-x64.runtime.native.System.Security.Cryptography.OpenSsl (4.3.3) - restriction: && (< net46) (>= netstandard2.0) (< xamarinios) (< xamarinmac) (< xamarintvos) (< xamarinwatchos)
    runtime.fedora.23-x64.runtime.native.System.Security.Cryptography.OpenSsl (4.3.3) - restriction: && (< net46) (>= netstandard2.0) (< xamarinios) (< xamarinmac) (< xamarintvos) (< xamarinwatchos)
    runtime.fedora.24-x64.runtime.native.System.Security.Cryptography.OpenSsl (4.3.3) - restriction: && (< net46) (>= netstandard2.0) (< xamarinios) (< xamarinmac) (< xamarintvos) (< xamarinwatchos)
    runtime.fedora.27-x64.runtime.native.System.Security.Cryptography.OpenSsl (4.3.3) - restriction: && (< net46) (>= netstandard2.0) (< xamarinios) (< xamarinmac) (< xamarintvos) (< xamarinwatchos)
    runtime.fedora.28-x64.runtime.native.System.Security.Cryptography.OpenSsl (4.3.3) - restriction: && (< net46) (>= netstandard2.0) (< xamarinios) (< xamarinmac) (< xamarintvos) (< xamarinwatchos)
    runtime.native.System (4.3.1) - restriction: || (&& (< monoandroid) (< net45) (>= netstandard2.0) (< win8) (< wpa81) (< xamarinios) (< xamarinmac) (< xamarintvos) (< xamarinwatchos)) (&& (< net46) (>= netstandard2.0) (< xamarinios) (< xamarinmac) (< xamarintvos) (< xamarinwatchos))
      Microsoft.NETCore.Platforms (>= 1.1.1)
      Microsoft.NETCore.Targets (>= 1.1.3)
    runtime.native.System.Data.SqlClient.sni (4.7) - restriction: || (&& (< monoandroid) (>= netcoreapp3.1) (< netstandard2.0) (< xamarintvos) (< xamarinwatchos)) (&& (>= netcoreapp3.1) (< xamarinios) (< xamarinmac) (< xamarintvos) (< xamarinwatchos))
      runtime.win-arm64.runtime.native.System.Data.SqlClient.sni (>= 4.4)
      runtime.win-x64.runtime.native.System.Data.SqlClient.sni (>= 4.4)
      runtime.win-x86.runtime.native.System.Data.SqlClient.sni (>= 4.4)
    runtime.native.System.Net.Http (4.3.1) - restriction: || (&& (< monoandroid) (< net45) (>= netstandard2.0) (< win8) (< wpa81) (< xamarinios) (< xamarinmac) (< xamarintvos) (< xamarinwatchos)) (&& (< monoandroid) (< net46) (< netstandard1.6) (>= netstandard2.0)) (&& (< net46) (>= netstandard2.0) (< xamarinios) (< xamarinmac) (< xamarintvos) (< xamarinwatchos))
      Microsoft.NETCore.Platforms (>= 1.1.1)
      Microsoft.NETCore.Targets (>= 1.1.3)
    runtime.native.System.Net.Security (4.3.1) - restriction: && (< net46) (>= netstandard2.0) (< xamarinios) (< xamarinmac) (< xamarintvos) (< xamarinwatchos)
      Microsoft.NETCore.Platforms (>= 1.1.1)
      Microsoft.NETCore.Targets (>= 1.1.3)
    runtime.native.System.Security.Cryptography.Apple (4.3.1) - restriction: && (< net46) (>= netstandard2.0) (< xamarinios) (< xamarinmac) (< xamarintvos) (< xamarinwatchos)
      runtime.osx.10.10-x64.runtime.native.System.Security.Cryptography.Apple (>= 4.3.1)
    runtime.native.System.Security.Cryptography.OpenSsl (4.3.3) - restriction: || (&& (< monoandroid) (< net45) (>= netstandard2.0) (< win8) (< wpa81) (< xamarinios) (< xamarinmac) (< xamarintvos) (< xamarinwatchos)) (&& (< monoandroid) (< net46) (< netstandard1.6) (>= netstandard2.0)) (&& (< net46) (>= netstandard2.0) (< xamarinios) (< xamarinmac) (< xamarintvos) (< xamarinwatchos))
      runtime.debian.8-x64.runtime.native.System.Security.Cryptography.OpenSsl (>= 4.3.3)
      runtime.debian.9-x64.runtime.native.System.Security.Cryptography.OpenSsl (>= 4.3.3)
      runtime.fedora.23-x64.runtime.native.System.Security.Cryptography.OpenSsl (>= 4.3.3)
      runtime.fedora.24-x64.runtime.native.System.Security.Cryptography.OpenSsl (>= 4.3.3)
      runtime.fedora.27-x64.runtime.native.System.Security.Cryptography.OpenSsl (>= 4.3.3)
      runtime.fedora.28-x64.runtime.native.System.Security.Cryptography.OpenSsl (>= 4.3.3)
      runtime.opensuse.13.2-x64.runtime.native.System.Security.Cryptography.OpenSsl (>= 4.3.3)
      runtime.opensuse.42.1-x64.runtime.native.System.Security.Cryptography.OpenSsl (>= 4.3.3)
      runtime.opensuse.42.3-x64.runtime.native.System.Security.Cryptography.OpenSsl (>= 4.3.3)
      runtime.osx.10.10-x64.runtime.native.System.Security.Cryptography.OpenSsl (>= 4.3.3)
      runtime.rhel.7-x64.runtime.native.System.Security.Cryptography.OpenSsl (>= 4.3.3)
      runtime.ubuntu.14.04-x64.runtime.native.System.Security.Cryptography.OpenSsl (>= 4.3.3)
      runtime.ubuntu.16.04-x64.runtime.native.System.Security.Cryptography.OpenSsl (>= 4.3.3)
      runtime.ubuntu.16.10-x64.runtime.native.System.Security.Cryptography.OpenSsl (>= 4.3.3)
      runtime.ubuntu.18.04-x64.runtime.native.System.Security.Cryptography.OpenSsl (>= 4.3.3)
    runtime.opensuse.13.2-x64.runtime.native.System.Security.Cryptography.OpenSsl (4.3.3) - restriction: && (< net46) (>= netstandard2.0) (< xamarinios) (< xamarinmac) (< xamarintvos) (< xamarinwatchos)
    runtime.opensuse.42.1-x64.runtime.native.System.Security.Cryptography.OpenSsl (4.3.3) - restriction: && (< net46) (>= netstandard2.0) (< xamarinios) (< xamarinmac) (< xamarintvos) (< xamarinwatchos)
    runtime.opensuse.42.3-x64.runtime.native.System.Security.Cryptography.OpenSsl (4.3.3) - restriction: && (< net46) (>= netstandard2.0) (< xamarinios) (< xamarinmac) (< xamarintvos) (< xamarinwatchos)
    runtime.osx.10.10-x64.runtime.native.System.Security.Cryptography.Apple (4.3.1) - restriction: && (< net46) (>= netstandard2.0) (< xamarinios) (< xamarinmac) (< xamarintvos) (< xamarinwatchos)
    runtime.osx.10.10-x64.runtime.native.System.Security.Cryptography.OpenSsl (4.3.3) - restriction: && (< net46) (>= netstandard2.0) (< xamarinios) (< xamarinmac) (< xamarintvos) (< xamarinwatchos)
    runtime.rhel.7-x64.runtime.native.System.Security.Cryptography.OpenSsl (4.3.3) - restriction: && (< net46) (>= netstandard2.0) (< xamarinios) (< xamarinmac) (< xamarintvos) (< xamarinwatchos)
    runtime.ubuntu.14.04-x64.runtime.native.System.Security.Cryptography.OpenSsl (4.3.3) - restriction: && (< net46) (>= netstandard2.0) (< xamarinios) (< xamarinmac) (< xamarintvos) (< xamarinwatchos)
    runtime.ubuntu.16.04-x64.runtime.native.System.Security.Cryptography.OpenSsl (4.3.3) - restriction: && (< net46) (>= netstandard2.0) (< xamarinios) (< xamarinmac) (< xamarintvos) (< xamarinwatchos)
    runtime.ubuntu.16.10-x64.runtime.native.System.Security.Cryptography.OpenSsl (4.3.3) - restriction: && (< net46) (>= netstandard2.0) (< xamarinios) (< xamarinmac) (< xamarintvos) (< xamarinwatchos)
    runtime.ubuntu.18.04-x64.runtime.native.System.Security.Cryptography.OpenSsl (4.3.3) - restriction: && (< net46) (>= netstandard2.0) (< xamarinios) (< xamarinmac) (< xamarintvos) (< xamarinwatchos)
    runtime.win-arm64.runtime.native.System.Data.SqlClient.sni (4.4) - restriction: || (&& (< monoandroid) (>= netcoreapp3.1) (< netstandard2.0) (< xamarintvos) (< xamarinwatchos)) (&& (>= netcoreapp3.1) (< xamarinios) (< xamarinmac) (< xamarintvos) (< xamarinwatchos))
    runtime.win-x64.runtime.native.System.Data.SqlClient.sni (4.4) - restriction: || (&& (< monoandroid) (>= netcoreapp3.1) (< netstandard2.0) (< xamarintvos) (< xamarinwatchos)) (&& (>= netcoreapp3.1) (< xamarinios) (< xamarinmac) (< xamarintvos) (< xamarinwatchos))
    runtime.win-x86.runtime.native.System.Data.SqlClient.sni (4.4) - restriction: || (&& (< monoandroid) (>= netcoreapp3.1) (< netstandard2.0) (< xamarintvos) (< xamarinwatchos)) (&& (>= netcoreapp3.1) (< xamarinios) (< xamarinmac) (< xamarintvos) (< xamarinwatchos))
    Spectre.Console (0.41) - restriction: >= netcoreapp3.1
      System.Memory (>= 4.5) - restriction: && (< net5.0) (>= netstandard2.0)
      Wcwidth (>= 0.2) - restriction: >= netstandard2.0
    SqlHydra.Query (0.200.1)
      FSharp.Core (>= 5.0) - restriction: >= netstandard2.0
      SqlKata (>= 2.3.7) - restriction: >= netstandard2.0
      TaskBuilder.fs (>= 2.1) - restriction: >= netstandard2.0
    SQLitePCLRaw.bundle_e_sqlite3 (2.0.4) - restriction: >= netcoreapp3.1
      SQLitePCLRaw.core (>= 2.0.4) - restriction: || (>= net461) (>= netstandard2.0) (>= xamarintvos)
      SQLitePCLRaw.lib.e_sqlite3 (>= 2.0.4) - restriction: || (&& (< monoandroid8.0) (< netcoreapp3.1) (>= netstandard2.0) (< xamarinios) (< xamarintvos)) (>= net461) (&& (>= netcoreapp3.1) (< xamarinios) (< xamarintvos))
      SQLitePCLRaw.lib.e_sqlite3.ios (>= 2.0.4) - restriction: >= xamarinios
      SQLitePCLRaw.lib.e_sqlite3.tvos (>= 2.0.4) - restriction: >= xamarintvos
      SQLitePCLRaw.provider.dynamic_cdecl (>= 2.0.4) - restriction: || (>= net461) (&& (>= netcoreapp3.1) (< xamarinios) (< xamarintvos))
      SQLitePCLRaw.provider.internal (>= 2.0.4) - restriction: || (>= xamarinios) (>= xamarintvos)
    SQLitePCLRaw.core (2.0.4) - restriction: >= netcoreapp3.1
      System.Memory (>= 4.5.3) - restriction: >= netstandard2.0
    SQLitePCLRaw.lib.e_sqlite3 (2.0.4) - restriction: || (&& (>= net461) (>= netcoreapp3.1)) (&& (>= netcoreapp3.1) (< xamarinios) (< xamarintvos))
    SQLitePCLRaw.lib.e_sqlite3.ios (2.0.4) - restriction: && (>= netcoreapp3.1) (>= xamarinios)
    SQLitePCLRaw.lib.e_sqlite3.tvos (2.0.4) - restriction: && (>= netcoreapp3.1) (>= xamarintvos)
    SQLitePCLRaw.provider.dynamic_cdecl (2.0.4) - restriction: || (&& (>= net461) (>= netcoreapp3.1)) (&& (>= netcoreapp3.1) (< xamarinios) (< xamarintvos))
      SQLitePCLRaw.core (>= 2.0.4) - restriction: >= netstandard2.0
    SQLitePCLRaw.provider.internal (2.0.4) - restriction: || (&& (>= netcoreapp3.1) (>= xamarinios)) (&& (>= netcoreapp3.1) (>= xamarintvos))
      SQLitePCLRaw.core (>= 2.0.4) - restriction: >= netstandard2.0
    SqlKata (2.3.7) - restriction: >= netstandard2.0
      System.Collections.Concurrent (>= 4.3) - restriction: >= netstandard2.0
    Stub.System.Data.SQLite.Core.NetStandard (1.0.114.3) - restriction: >= netcoreapp3.1
    System.Buffers (4.5.1) - restriction: || (&& (>= monoandroid) (>= netcoreapp3.1) (< netstandard1.3)) (&& (>= monotouch) (>= netcoreapp3.1)) (&& (< netcoreapp2.0) (>= netcoreapp3.1)) (&& (>= netcoreapp3.1) (>= xamarinios)) (&& (>= netcoreapp3.1) (>= xamarinmac)) (&& (>= netcoreapp3.1) (>= xamarintvos)) (&& (>= netcoreapp3.1) (>= xamarinwatchos)) (>= netstandard2.0)
    System.CodeDom (5.0) - restriction: && (< net472) (>= netstandard2.0)
    System.Collections (4.3) - restriction: || (&& (< monoandroid) (< net45) (>= netstandard2.0) (< win8) (< wpa81) (< xamarinios) (< xamarinmac) (< xamarintvos) (< xamarinwatchos)) (&& (< monoandroid) (>= netcoreapp3.1) (< xamarinios) (< xamarinmac) (< xamarintvos) (< xamarinwatchos)) (&& (< net46) (>= netstandard2.0) (< xamarinios) (< xamarinmac) (< xamarintvos) (< xamarinwatchos))
      Microsoft.NETCore.Platforms (>= 1.1) - restriction: || (&& (< monoandroid) (< monotouch) (< net45) (>= netstandard1.3) (< win8) (< wpa81) (< xamarinios) (< xamarinmac) (< xamarintvos) (< xamarinwatchos)) (&& (< monoandroid) (< net45) (>= netstandard1.0) (< netstandard1.3) (< win8) (< wp8) (< wpa81))
      Microsoft.NETCore.Targets (>= 1.1) - restriction: || (&& (< monoandroid) (< monotouch) (< net45) (>= netstandard1.3) (< win8) (< wpa81) (< xamarinios) (< xamarinmac) (< xamarintvos) (< xamarinwatchos)) (&& (< monoandroid) (< net45) (>= netstandard1.0) (< netstandard1.3) (< win8) (< wp8) (< wpa81))
      System.Runtime (>= 4.3) - restriction: || (&& (< monoandroid) (< monotouch) (< net45) (>= netstandard1.3) (< win8) (< wpa81) (< xamarinios) (< xamarinmac) (< xamarintvos) (< xamarinwatchos)) (&& (< monoandroid) (< net45) (>= netstandard1.0) (< netstandard1.3) (< win8) (< wp8) (< wpa81))
    System.Collections.Concurrent (4.3) - restriction: >= netstandard2.0
      System.Collections (>= 4.3) - restriction: && (< monoandroid) (< monotouch) (< net45) (>= netstandard1.3) (< win8) (< wpa81) (< xamarinios) (< xamarinmac) (< xamarintvos) (< xamarinwatchos)
      System.Diagnostics.Debug (>= 4.3) - restriction: && (< monoandroid) (< monotouch) (< net45) (>= netstandard1.3) (< win8) (< wpa81) (< xamarinios) (< xamarinmac) (< xamarintvos) (< xamarinwatchos)
      System.Diagnostics.Tracing (>= 4.3) - restriction: && (< monoandroid) (< monotouch) (< net45) (>= netstandard1.3) (< win8) (< wpa81) (< xamarinios) (< xamarinmac) (< xamarintvos) (< xamarinwatchos)
      System.Globalization (>= 4.3) - restriction: && (< monoandroid) (< monotouch) (< net45) (>= netstandard1.3) (< win8) (< wpa81) (< xamarinios) (< xamarinmac) (< xamarintvos) (< xamarinwatchos)
      System.Reflection (>= 4.3) - restriction: && (< monoandroid) (< monotouch) (< net45) (>= netstandard1.3) (< win8) (< wpa81) (< xamarinios) (< xamarinmac) (< xamarintvos) (< xamarinwatchos)
      System.Resources.ResourceManager (>= 4.3) - restriction: && (< monoandroid) (< monotouch) (< net45) (>= netstandard1.3) (< win8) (< wpa81) (< xamarinios) (< xamarinmac) (< xamarintvos) (< xamarinwatchos)
      System.Runtime (>= 4.3) - restriction: || (&& (< monoandroid) (< monotouch) (< net45) (>= netstandard1.3) (< win8) (< wpa81) (< xamarinios) (< xamarinmac) (< xamarintvos) (< xamarinwatchos)) (&& (< monoandroid) (< net45) (>= netstandard1.1) (< netstandard1.3) (< win8) (< wpa81))
      System.Runtime.Extensions (>= 4.3) - restriction: && (< monoandroid) (< monotouch) (< net45) (>= netstandard1.3) (< win8) (< wpa81) (< xamarinios) (< xamarinmac) (< xamarintvos) (< xamarinwatchos)
      System.Threading (>= 4.3) - restriction: && (< monoandroid) (< monotouch) (< net45) (>= netstandard1.3) (< win8) (< wpa81) (< xamarinios) (< xamarinmac) (< xamarintvos) (< xamarinwatchos)
      System.Threading.Tasks (>= 4.3) - restriction: || (&& (< monoandroid) (< monotouch) (< net45) (>= netstandard1.3) (< win8) (< wpa81) (< xamarinios) (< xamarinmac) (< xamarintvos) (< xamarinwatchos)) (&& (< monoandroid) (< net45) (>= netstandard1.1) (< netstandard1.3) (< win8) (< wpa81))
    System.Collections.Immutable (5.0) - restriction: >= netstandard2.0
      System.Memory (>= 4.5.4) - restriction: || (&& (< monoandroid) (< monotouch) (< net45) (>= netstandard1.3) (< netstandard2.0) (< win8) (< wpa81) (< xamarintvos) (< xamarinwatchos)) (&& (< net45) (< netcoreapp2.1) (>= netstandard2.0) (< xamarinios) (< xamarinmac) (< xamarintvos) (< xamarinwatchos)) (&& (>= net46) (< netstandard2.0)) (>= net461) (>= uap10.1)
    System.ComponentModel.Annotations (5.0) - restriction: >= netcoreapp3.1
    System.ComponentModel.TypeConverter (4.3) - restriction: || (&& (< monoandroid9.0) (< netcoreapp2.1) (>= netcoreapp3.1) (< xamarinmac)) (&& (>= netcoreapp3.1) (>= xamarinios))
    System.Configuration.ConfigurationManager (5.0) - restriction: >= netstandard2.0
      System.Security.Cryptography.ProtectedData (>= 5.0) - restriction: && (< net461) (>= netstandard2.0) (< xamarinios) (< xamarinmac) (< xamarintvos) (< xamarinwatchos)
      System.Security.Permissions (>= 5.0) - restriction: || (>= monoandroid) (>= monotouch) (>= net461) (>= netstandard2.0) (>= xamarintvos) (>= xamarinwatchos)
    System.Data.Common (4.3) - restriction: >= netcoreapp3.1
      System.Collections (>= 4.3) - restriction: && (< monoandroid) (< monotouch) (< net451) (>= netstandard1.2) (< win81) (< wpa81) (< xamarinios) (< xamarinmac) (< xamarintvos) (< xamarinwatchos)
      System.Globalization (>= 4.3) - restriction: && (< monoandroid) (< monotouch) (< net451) (>= netstandard1.2) (< win81) (< wpa81) (< xamarinios) (< xamarinmac) (< xamarintvos) (< xamarinwatchos)
      System.IO (>= 4.3) - restriction: && (< monoandroid) (< monotouch) (< net451) (>= netstandard1.2) (< win81) (< wpa81) (< xamarinios) (< xamarinmac) (< xamarintvos) (< xamarinwatchos)
      System.Resources.ResourceManager (>= 4.3) - restriction: && (< monoandroid) (< monotouch) (< net451) (>= netstandard1.2) (< win81) (< wpa81) (< xamarinios) (< xamarinmac) (< xamarintvos) (< xamarinwatchos)
      System.Runtime (>= 4.3) - restriction: && (< monoandroid) (< monotouch) (< net451) (>= netstandard1.2) (< win81) (< wpa81) (< xamarinios) (< xamarinmac) (< xamarintvos) (< xamarinwatchos)
      System.Runtime.Extensions (>= 4.3) - restriction: && (< monoandroid) (< monotouch) (< net451) (>= netstandard1.2) (< win81) (< wpa81) (< xamarinios) (< xamarinmac) (< xamarintvos) (< xamarinwatchos)
      System.Text.RegularExpressions (>= 4.3) - restriction: && (< monoandroid) (< monotouch) (< net451) (>= netstandard1.2) (< win81) (< wpa81) (< xamarinios) (< xamarinmac) (< xamarintvos) (< xamarinwatchos)
      System.Threading.Tasks (>= 4.3) - restriction: && (< monoandroid) (< monotouch) (< net451) (>= netstandard1.2) (< win81) (< wpa81) (< xamarinios) (< xamarinmac) (< xamarintvos) (< xamarinwatchos)
    System.Data.SqlClient (4.8.2) - restriction: >= netcoreapp3.1
      Microsoft.Win32.Registry (>= 4.7) - restriction: || (&& (< monoandroid) (>= netcoreapp2.0) (< netcoreapp2.1) (< xamarinios) (< xamarinmac) (< xamarintvos) (< xamarinwatchos)) (&& (< monoandroid) (>= netcoreapp2.1) (< netcoreapp3.1) (< xamarinios) (< xamarinmac) (< xamarintvos) (< xamarinwatchos)) (&& (< net451) (< netcoreapp2.0) (>= netstandard2.0) (< xamarinios) (< xamarinmac) (< xamarintvos) (< xamarinwatchos)) (&& (>= netcoreapp3.1) (< xamarinios) (< xamarinmac) (< xamarintvos) (< xamarinwatchos))
      runtime.native.System.Data.SqlClient.sni (>= 4.7) - restriction: || (&& (< monoandroid) (< monotouch) (< net451) (>= netstandard1.3) (< netstandard2.0) (< win81) (< wpa81) (< xamarintvos) (< xamarinwatchos)) (&& (< monoandroid) (>= netcoreapp2.0) (< netcoreapp2.1) (< xamarinios) (< xamarinmac) (< xamarintvos) (< xamarinwatchos)) (&& (< monoandroid) (>= netcoreapp2.1) (< netcoreapp3.1) (< xamarinios) (< xamarinmac) (< xamarintvos) (< xamarinwatchos)) (&& (< net451) (< netcoreapp2.0) (>= netstandard2.0) (< xamarinios) (< xamarinmac) (< xamarintvos) (< xamarinwatchos)) (&& (>= netcoreapp3.1) (< xamarinios) (< xamarinmac) (< xamarintvos) (< xamarinwatchos))
      System.Security.Principal.Windows (>= 4.7) - restriction: || (&& (< monoandroid) (< monotouch) (< net451) (>= netstandard1.3) (< netstandard2.0) (< win81) (< wpa81) (< xamarintvos) (< xamarinwatchos)) (&& (< monoandroid) (>= netcoreapp2.0) (< netcoreapp2.1) (< xamarinios) (< xamarinmac) (< xamarintvos) (< xamarinwatchos)) (&& (< monoandroid) (>= netcoreapp2.1) (< netcoreapp3.1) (< xamarinios) (< xamarinmac) (< xamarintvos) (< xamarinwatchos)) (&& (< net451) (< netcoreapp2.0) (>= netstandard2.0) (< xamarinios) (< xamarinmac) (< xamarintvos) (< xamarinwatchos)) (&& (>= netcoreapp3.1) (< xamarinios) (< xamarinmac) (< xamarintvos) (< xamarinwatchos))
    System.Data.SQLite.Core (1.0.114.3) - restriction: >= netcoreapp3.1
      Stub.System.Data.SQLite.Core.NetStandard (>= 1.0.114.3) - restriction: || (&& (< net20) (>= netstandard2.0)) (>= netstandard2.1)
    System.Diagnostics.Debug (4.3) - restriction: || (&& (< monoandroid) (< net45) (>= netstandard2.0) (< win8) (< wpa81) (< xamarinios) (< xamarinmac) (< xamarintvos) (< xamarinwatchos)) (&& (< monoandroid) (>= netcoreapp3.1) (< xamarinios) (< xamarinmac) (< xamarintvos) (< xamarinwatchos)) (&& (< net46) (>= netstandard2.0) (< xamarinios) (< xamarinmac) (< xamarintvos) (< xamarinwatchos))
      Microsoft.NETCore.Platforms (>= 1.1) - restriction: || (&& (< monoandroid) (< monotouch) (< net45) (>= netstandard1.3) (< win8) (< wpa81) (< xamarinios) (< xamarinmac) (< xamarintvos) (< xamarinwatchos)) (&& (< monoandroid) (< net45) (>= netstandard1.0) (< netstandard1.3) (< win8) (< wp8) (< wpa81))
      Microsoft.NETCore.Targets (>= 1.1) - restriction: || (&& (< monoandroid) (< monotouch) (< net45) (>= netstandard1.3) (< win8) (< wpa81) (< xamarinios) (< xamarinmac) (< xamarintvos) (< xamarinwatchos)) (&& (< monoandroid) (< net45) (>= netstandard1.0) (< netstandard1.3) (< win8) (< wp8) (< wpa81))
      System.Runtime (>= 4.3) - restriction: || (&& (< monoandroid) (< monotouch) (< net45) (>= netstandard1.3) (< win8) (< wpa81) (< xamarinios) (< xamarinmac) (< xamarintvos) (< xamarinwatchos)) (&& (< monoandroid) (< net45) (>= netstandard1.0) (< netstandard1.3) (< win8) (< wp8) (< wpa81))
    System.Diagnostics.DiagnosticSource (5.0.1) - restriction: || (&& (< monoandroid) (< net45) (< netstandard1.6) (>= netstandard2.0) (< win8) (< wpa81)) (&& (< monoandroid) (< net45) (>= netstandard2.0) (< win8) (< wpa81) (< xamarinios) (< xamarinmac) (< xamarintvos) (< xamarinwatchos)) (>= netcoreapp3.1)
    System.Diagnostics.Process (4.3) - restriction: >= netstandard2.0
      Microsoft.NETCore.Platforms (>= 1.1) - restriction: && (< monotouch) (< net46) (>= netstandard1.4) (< xamarinios) (< xamarinmac) (< xamarintvos) (< xamarinwatchos)
      Microsoft.Win32.Primitives (>= 4.3) - restriction: && (< monotouch) (< net46) (>= netstandard1.4) (< xamarinios) (< xamarinmac) (< xamarintvos) (< xamarinwatchos)
      Microsoft.Win32.Registry (>= 4.3) - restriction: && (< monotouch) (< net46) (>= netstandard1.4) (< xamarinios) (< xamarinmac) (< xamarintvos) (< xamarinwatchos)
      runtime.native.System (>= 4.3) - restriction: && (< monotouch) (< net46) (>= netstandard1.4) (< xamarinios) (< xamarinmac) (< xamarintvos) (< xamarinwatchos)
      System.Collections (>= 4.3) - restriction: && (< monotouch) (< net46) (>= netstandard1.4) (< xamarinios) (< xamarinmac) (< xamarintvos) (< xamarinwatchos)
      System.Diagnostics.Debug (>= 4.3) - restriction: && (< monotouch) (< net46) (>= netstandard1.4) (< xamarinios) (< xamarinmac) (< xamarintvos) (< xamarinwatchos)
      System.Globalization (>= 4.3) - restriction: && (< monotouch) (< net46) (>= netstandard1.4) (< xamarinios) (< xamarinmac) (< xamarintvos) (< xamarinwatchos)
      System.IO (>= 4.3) - restriction: || (&& (< monoandroid) (< net46) (>= netstandard1.3) (< netstandard1.4)) (&& (< monotouch) (< net46) (>= netstandard1.4) (< xamarinios) (< xamarinmac) (< xamarintvos) (< xamarinwatchos))
      System.IO.FileSystem (>= 4.3) - restriction: && (< monotouch) (< net46) (>= netstandard1.4) (< xamarinios) (< xamarinmac) (< xamarintvos) (< xamarinwatchos)
      System.IO.FileSystem.Primitives (>= 4.3) - restriction: && (< monotouch) (< net46) (>= netstandard1.4) (< xamarinios) (< xamarinmac) (< xamarintvos) (< xamarinwatchos)
      System.Resources.ResourceManager (>= 4.3) - restriction: && (< monotouch) (< net46) (>= netstandard1.4) (< xamarinios) (< xamarinmac) (< xamarintvos) (< xamarinwatchos)
      System.Runtime (>= 4.3) - restriction: || (&& (< monoandroid) (< net46) (>= netstandard1.3) (< netstandard1.4)) (&& (< monotouch) (< net46) (>= netstandard1.4) (< xamarinios) (< xamarinmac) (< xamarintvos) (< xamarinwatchos))
      System.Runtime.Extensions (>= 4.3) - restriction: && (< monotouch) (< net46) (>= netstandard1.4) (< xamarinios) (< xamarinmac) (< xamarintvos) (< xamarinwatchos)
      System.Runtime.Handles (>= 4.3) - restriction: || (&& (< monoandroid) (< net46) (>= netstandard1.3) (< netstandard1.4)) (&& (< monotouch) (< net46) (>= netstandard1.4) (< xamarinios) (< xamarinmac) (< xamarintvos) (< xamarinwatchos))
      System.Runtime.InteropServices (>= 4.3) - restriction: && (< monotouch) (< net46) (>= netstandard1.4) (< xamarinios) (< xamarinmac) (< xamarintvos) (< xamarinwatchos)
      System.Text.Encoding (>= 4.3) - restriction: || (&& (< monoandroid) (< net46) (>= netstandard1.3) (< netstandard1.4)) (&& (< monotouch) (< net46) (>= netstandard1.4) (< xamarinios) (< xamarinmac) (< xamarintvos) (< xamarinwatchos))
      System.Text.Encoding.Extensions (>= 4.3) - restriction: && (< monotouch) (< net46) (>= netstandard1.4) (< xamarinios) (< xamarinmac) (< xamarintvos) (< xamarinwatchos)
      System.Threading (>= 4.3) - restriction: && (< monotouch) (< net46) (>= netstandard1.4) (< xamarinios) (< xamarinmac) (< xamarintvos) (< xamarinwatchos)
      System.Threading.Tasks (>= 4.3) - restriction: && (< monotouch) (< net46) (>= netstandard1.4) (< xamarinios) (< xamarinmac) (< xamarintvos) (< xamarinwatchos)
      System.Threading.Thread (>= 4.3) - restriction: && (< monotouch) (< net46) (>= netstandard1.4) (< xamarinios) (< xamarinmac) (< xamarintvos) (< xamarinwatchos)
      System.Threading.ThreadPool (>= 4.3) - restriction: && (< monotouch) (< net46) (>= netstandard1.4) (< xamarinios) (< xamarinmac) (< xamarintvos) (< xamarinwatchos)
    System.Diagnostics.TraceSource (4.3) - restriction: >= netstandard2.0
      Microsoft.NETCore.Platforms (>= 1.1) - restriction: && (< monoandroid) (< monotouch) (< net46) (>= netstandard1.3) (< xamarinios) (< xamarinmac) (< xamarintvos) (< xamarinwatchos)
      runtime.native.System (>= 4.3) - restriction: && (< monoandroid) (< monotouch) (< net46) (>= netstandard1.3) (< xamarinios) (< xamarinmac) (< xamarintvos) (< xamarinwatchos)
      System.Collections (>= 4.3) - restriction: && (< monoandroid) (< monotouch) (< net46) (>= netstandard1.3) (< xamarinios) (< xamarinmac) (< xamarintvos) (< xamarinwatchos)
      System.Diagnostics.Debug (>= 4.3) - restriction: && (< monoandroid) (< monotouch) (< net46) (>= netstandard1.3) (< xamarinios) (< xamarinmac) (< xamarintvos) (< xamarinwatchos)
      System.Globalization (>= 4.3) - restriction: && (< monoandroid) (< monotouch) (< net46) (>= netstandard1.3) (< xamarinios) (< xamarinmac) (< xamarintvos) (< xamarinwatchos)
      System.Resources.ResourceManager (>= 4.3) - restriction: && (< monoandroid) (< monotouch) (< net46) (>= netstandard1.3) (< xamarinios) (< xamarinmac) (< xamarintvos) (< xamarinwatchos)
      System.Runtime (>= 4.3) - restriction: && (< monoandroid) (< monotouch) (< net46) (>= netstandard1.3) (< xamarinios) (< xamarinmac) (< xamarintvos) (< xamarinwatchos)
      System.Runtime.Extensions (>= 4.3) - restriction: && (< monoandroid) (< monotouch) (< net46) (>= netstandard1.3) (< xamarinios) (< xamarinmac) (< xamarintvos) (< xamarinwatchos)
      System.Threading (>= 4.3) - restriction: && (< monoandroid) (< monotouch) (< net46) (>= netstandard1.3) (< xamarinios) (< xamarinmac) (< xamarintvos) (< xamarinwatchos)
    System.Diagnostics.Tracing (4.3) - restriction: || (&& (< monoandroid) (< net45) (>= netstandard2.0) (< win8) (< wpa81) (< xamarinios) (< xamarinmac) (< xamarintvos) (< xamarinwatchos)) (&& (< monoandroid) (< net46) (< netstandard1.6) (>= netstandard2.0)) (&& (< net46) (>= netstandard2.0) (< xamarinios) (< xamarinmac) (< xamarintvos) (< xamarinwatchos))
      Microsoft.NETCore.Platforms (>= 1.1) - restriction: || (&& (< monoandroid) (< net45) (>= netstandard1.1) (< netstandard1.2) (< win8)) (&& (< monoandroid) (< net45) (>= netstandard1.2) (< netstandard1.3) (< win8) (< wpa81)) (&& (< monoandroid) (< net45) (>= netstandard1.3) (< netstandard1.5) (< win8) (< wpa81)) (&& (< monotouch) (< net45) (>= netstandard1.5) (< win8) (< wpa81) (< xamarinios) (< xamarinmac) (< xamarintvos) (< xamarinwatchos))
      Microsoft.NETCore.Targets (>= 1.1) - restriction: || (&& (< monoandroid) (< net45) (>= netstandard1.1) (< netstandard1.2) (< win8)) (&& (< monoandroid) (< net45) (>= netstandard1.2) (< netstandard1.3) (< win8) (< wpa81)) (&& (< monoandroid) (< net45) (>= netstandard1.3) (< netstandard1.5) (< win8) (< wpa81)) (&& (< monotouch) (< net45) (>= netstandard1.5) (< win8) (< wpa81) (< xamarinios) (< xamarinmac) (< xamarintvos) (< xamarinwatchos))
      System.Runtime (>= 4.3) - restriction: || (&& (< monoandroid) (< net45) (>= netstandard1.1) (< netstandard1.2) (< win8)) (&& (< monoandroid) (< net45) (>= netstandard1.2) (< netstandard1.3) (< win8) (< wpa81)) (&& (< monoandroid) (< net45) (>= netstandard1.3) (< netstandard1.5) (< win8) (< wpa81)) (&& (< monotouch) (< net45) (>= netstandard1.5) (< win8) (< wpa81) (< xamarinios) (< xamarinmac) (< xamarintvos) (< xamarinwatchos))
    System.Drawing.Common (5.0.2) - restriction: >= netcoreapp3.0
      Microsoft.Win32.SystemEvents (>= 5.0) - restriction: || (&& (< monoandroid) (>= netcoreapp2.0) (< netcoreapp3.0) (< xamarinios) (< xamarinmac) (< xamarintvos) (< xamarinwatchos)) (&& (>= netcoreapp3.0) (< xamarinios) (< xamarinmac) (< xamarintvos) (< xamarinwatchos))
    System.Dynamic.Runtime (4.3) - restriction: >= netcoreapp3.1
      System.Collections (>= 4.3) - restriction: && (< monoandroid) (< monotouch) (< net45) (>= netstandard1.3) (< win8) (< wpa81) (< xamarinios) (< xamarinmac) (< xamarintvos) (< xamarinwatchos)
      System.Diagnostics.Debug (>= 4.3) - restriction: && (< monoandroid) (< monotouch) (< net45) (>= netstandard1.3) (< win8) (< wpa81) (< xamarinios) (< xamarinmac) (< xamarintvos) (< xamarinwatchos)
      System.Linq (>= 4.3) - restriction: && (< monoandroid) (< monotouch) (< net45) (>= netstandard1.3) (< win8) (< wpa81) (< xamarinios) (< xamarinmac) (< xamarintvos) (< xamarinwatchos)
      System.Linq.Expressions (>= 4.3) - restriction: || (&& (< monoandroid) (< monotouch) (< net45) (>= netstandard1.3) (< win8) (< wpa81) (< xamarinios) (< xamarinmac) (< xamarintvos) (< xamarinwatchos)) (&& (< monoandroid) (< net45) (>= netstandard1.0) (< netstandard1.3) (< win8) (< wp8) (< wpa81))
      System.ObjectModel (>= 4.3) - restriction: || (&& (< monoandroid) (< monotouch) (< net45) (>= netstandard1.3) (< win8) (< wpa81) (< xamarinios) (< xamarinmac) (< xamarintvos) (< xamarinwatchos)) (&& (< monoandroid) (< net45) (>= netstandard1.0) (< netstandard1.3) (< win8) (< wp8) (< wpa81))
      System.Reflection (>= 4.3) - restriction: || (&& (< monoandroid) (< monotouch) (< net45) (>= netstandard1.3) (< win8) (< wpa81) (< xamarinios) (< xamarinmac) (< xamarintvos) (< xamarinwatchos)) (&& (< monoandroid) (< net45) (>= netstandard1.0) (< netstandard1.3) (< win8) (< wp8) (< wpa81))
      System.Reflection.Emit (>= 4.3) - restriction: && (< monoandroid) (< monotouch) (< net45) (>= netstandard1.3) (< win8) (< wpa81) (< xamarinios) (< xamarinmac) (< xamarintvos) (< xamarinwatchos)
      System.Reflection.Emit.ILGeneration (>= 4.3) - restriction: && (< monoandroid) (< monotouch) (< net45) (>= netstandard1.3) (< win8) (< wpa81) (< xamarinios) (< xamarinmac) (< xamarintvos) (< xamarinwatchos)
      System.Reflection.Primitives (>= 4.3) - restriction: && (< monoandroid) (< monotouch) (< net45) (>= netstandard1.3) (< win8) (< wpa81) (< xamarinios) (< xamarinmac) (< xamarintvos) (< xamarinwatchos)
      System.Reflection.TypeExtensions (>= 4.3) - restriction: && (< monoandroid) (< monotouch) (< net45) (>= netstandard1.3) (< win8) (< wpa81) (< xamarinios) (< xamarinmac) (< xamarintvos) (< xamarinwatchos)
      System.Resources.ResourceManager (>= 4.3) - restriction: && (< monoandroid) (< monotouch) (< net45) (>= netstandard1.3) (< win8) (< wpa81) (< xamarinios) (< xamarinmac) (< xamarintvos) (< xamarinwatchos)
      System.Runtime (>= 4.3) - restriction: || (&& (< monoandroid) (< monotouch) (< net45) (>= netstandard1.3) (< win8) (< wpa81) (< xamarinios) (< xamarinmac) (< xamarintvos) (< xamarinwatchos)) (&& (< monoandroid) (< net45) (>= netstandard1.0) (< netstandard1.3) (< win8) (< wp8) (< wpa81))
      System.Runtime.Extensions (>= 4.3) - restriction: && (< monoandroid) (< monotouch) (< net45) (>= netstandard1.3) (< win8) (< wpa81) (< xamarinios) (< xamarinmac) (< xamarintvos) (< xamarinwatchos)
      System.Threading (>= 4.3) - restriction: && (< monoandroid) (< monotouch) (< net45) (>= netstandard1.3) (< win8) (< wpa81) (< xamarinios) (< xamarinmac) (< xamarintvos) (< xamarinwatchos)
    System.Formats.Asn1 (5.0) - restriction: || (&& (>= monoandroid) (< netstandard1.3) (>= netstandard2.0)) (&& (< monoandroid) (< net46) (< netcoreapp2.0) (>= netstandard2.0) (< netstandard2.1)) (&& (< monoandroid) (>= netcoreapp2.0) (< netcoreapp2.1) (< netstandard2.1)) (&& (>= monotouch) (>= netstandard2.0)) (&& (< netcoreapp2.0) (>= netstandard2.1)) (>= netcoreapp3.0) (&& (>= netstandard2.0) (>= uap10.1)) (&& (>= netstandard2.0) (>= xamarintvos)) (&& (>= netstandard2.0) (>= xamarinwatchos)) (>= xamarinios) (>= xamarinmac)
    System.Globalization (4.3) - restriction: || (&& (< monoandroid) (< net45) (>= netstandard2.0) (< win8) (< wpa81) (< xamarinios) (< xamarinmac) (< xamarintvos) (< xamarinwatchos)) (&& (< monoandroid) (>= netcoreapp3.1) (< xamarinios) (< xamarinmac) (< xamarintvos) (< xamarinwatchos)) (&& (< net46) (>= netstandard2.0) (< xamarinios) (< xamarinmac) (< xamarintvos) (< xamarinwatchos))
      Microsoft.NETCore.Platforms (>= 1.1) - restriction: || (&& (< monoandroid) (< monotouch) (< net45) (>= netstandard1.3) (< win8) (< wpa81) (< xamarinios) (< xamarinmac) (< xamarintvos) (< xamarinwatchos)) (&& (< monoandroid) (< net45) (>= netstandard1.0) (< netstandard1.3) (< win8) (< wp8) (< wpa81))
      Microsoft.NETCore.Targets (>= 1.1) - restriction: || (&& (< monoandroid) (< monotouch) (< net45) (>= netstandard1.3) (< win8) (< wpa81) (< xamarinios) (< xamarinmac) (< xamarintvos) (< xamarinwatchos)) (&& (< monoandroid) (< net45) (>= netstandard1.0) (< netstandard1.3) (< win8) (< wp8) (< wpa81))
      System.Runtime (>= 4.3) - restriction: || (&& (< monoandroid) (< monotouch) (< net45) (>= netstandard1.3) (< win8) (< wpa81) (< xamarinios) (< xamarinmac) (< xamarintvos) (< xamarinwatchos)) (&& (< monoandroid) (< net45) (>= netstandard1.0) (< netstandard1.3) (< win8) (< wp8) (< wpa81))
    System.Globalization.Calendars (4.3) - restriction: || (&& (< monoandroid) (< net46) (< netstandard1.6) (>= netstandard2.0)) (&& (< net46) (>= netstandard2.0) (< xamarinios) (< xamarinmac) (< xamarintvos) (< xamarinwatchos))
      Microsoft.NETCore.Platforms (>= 1.1) - restriction: && (< monoandroid) (< monotouch) (< net46) (>= netstandard1.3) (< xamarinios) (< xamarinmac) (< xamarintvos) (< xamarinwatchos)
      Microsoft.NETCore.Targets (>= 1.1) - restriction: && (< monoandroid) (< monotouch) (< net46) (>= netstandard1.3) (< xamarinios) (< xamarinmac) (< xamarintvos) (< xamarinwatchos)
      System.Globalization (>= 4.3) - restriction: && (< monoandroid) (< monotouch) (< net46) (>= netstandard1.3) (< xamarinios) (< xamarinmac) (< xamarintvos) (< xamarinwatchos)
      System.Runtime (>= 4.3) - restriction: && (< monoandroid) (< monotouch) (< net46) (>= netstandard1.3) (< xamarinios) (< xamarinmac) (< xamarintvos) (< xamarinwatchos)
    System.Globalization.Extensions (4.3) - restriction: || (&& (< monoandroid) (< net45) (>= netstandard2.0) (< win8) (< wpa81) (< xamarinios) (< xamarinmac) (< xamarintvos) (< xamarinwatchos)) (&& (< net46) (>= netstandard2.0) (< xamarinios) (< xamarinmac) (< xamarintvos) (< xamarinwatchos))
      Microsoft.NETCore.Platforms (>= 1.1) - restriction: && (< monoandroid) (< monotouch) (< net46) (>= netstandard1.3) (< xamarinios) (< xamarinmac) (< xamarintvos) (< xamarinwatchos)
      System.Globalization (>= 4.3) - restriction: && (< monoandroid) (< monotouch) (< net46) (>= netstandard1.3) (< xamarinios) (< xamarinmac) (< xamarintvos) (< xamarinwatchos)
      System.Resources.ResourceManager (>= 4.3) - restriction: && (< monoandroid) (< monotouch) (< net46) (>= netstandard1.3) (< xamarinios) (< xamarinmac) (< xamarintvos) (< xamarinwatchos)
      System.Runtime (>= 4.3) - restriction: && (< monoandroid) (< monotouch) (< net46) (>= netstandard1.3) (< xamarinios) (< xamarinmac) (< xamarintvos) (< xamarinwatchos)
      System.Runtime.Extensions (>= 4.3) - restriction: && (< monoandroid) (< monotouch) (< net46) (>= netstandard1.3) (< xamarinios) (< xamarinmac) (< xamarintvos) (< xamarinwatchos)
      System.Runtime.InteropServices (>= 4.3) - restriction: && (< monoandroid) (< monotouch) (< net46) (>= netstandard1.3) (< xamarinios) (< xamarinmac) (< xamarintvos) (< xamarinwatchos)
    System.IdentityModel.Tokens.Jwt (6.12.1) - restriction: >= netcoreapp3.1
      Microsoft.IdentityModel.JsonWebTokens (>= 6.12.1) - restriction: || (&& (>= net45) (< netstandard2.0)) (&& (< net45) (>= netstandard2.0)) (>= net461)
      Microsoft.IdentityModel.Tokens (>= 6.12.1) - restriction: || (&& (>= net45) (< netstandard2.0)) (&& (< net45) (>= netstandard2.0)) (>= net461)
    System.IO (4.3) - restriction: || (&& (< monoandroid) (< net45) (< netstandard1.3) (>= netstandard2.0) (< win8) (< wpa81)) (&& (< monoandroid) (< net45) (< netstandard1.5) (>= netstandard2.0) (< win8) (< wpa81)) (&& (< monoandroid) (< net45) (< netstandard1.6) (>= netstandard2.0) (< win8) (< wpa81)) (&& (< monoandroid) (< net46) (< netstandard1.4) (>= netstandard2.0)) (&& (< monoandroid) (< net46) (< netstandard1.6) (>= netstandard2.0)) (&& (< monoandroid) (>= netcoreapp3.1) (< xamarinios) (< xamarinmac) (< xamarintvos) (< xamarinwatchos)) (&& (< monoandroid) (< netstandard1.1) (>= netstandard2.0) (< win8)) (&& (< net45) (>= netstandard2.0) (< win8) (< wpa81) (< xamarinios) (< xamarinmac) (< xamarintvos) (< xamarinwatchos)) (&& (< net46) (>= netstandard2.0) (< xamarinios) (< xamarinmac) (< xamarintvos) (< xamarinwatchos)) (&& (>= net463) (>= netstandard2.0))
      Microsoft.NETCore.Platforms (>= 1.1) - restriction: || (&& (< monoandroid) (< net45) (>= netstandard1.0) (< netstandard1.3) (< win8) (< wp8) (< wpa81)) (&& (< monoandroid) (< net45) (>= netstandard1.3) (< netstandard1.5) (< win8) (< wpa81)) (&& (< monotouch) (< net45) (>= netstandard1.5) (< win8) (< wpa81) (< xamarinios) (< xamarinmac) (< xamarintvos) (< xamarinwatchos))
      Microsoft.NETCore.Targets (>= 1.1) - restriction: || (&& (< monoandroid) (< net45) (>= netstandard1.0) (< netstandard1.3) (< win8) (< wp8) (< wpa81)) (&& (< monoandroid) (< net45) (>= netstandard1.3) (< netstandard1.5) (< win8) (< wpa81)) (&& (< monotouch) (< net45) (>= netstandard1.5) (< win8) (< wpa81) (< xamarinios) (< xamarinmac) (< xamarintvos) (< xamarinwatchos))
      System.Runtime (>= 4.3) - restriction: || (&& (< monoandroid) (< net45) (>= netstandard1.0) (< netstandard1.3) (< win8) (< wp8) (< wpa81)) (&& (< monoandroid) (< net45) (>= netstandard1.3) (< netstandard1.5) (< win8) (< wpa81)) (&& (< monotouch) (< net45) (>= netstandard1.5) (< win8) (< wpa81) (< xamarinios) (< xamarinmac) (< xamarintvos) (< xamarinwatchos))
      System.Text.Encoding (>= 4.3) - restriction: || (&& (< monoandroid) (< net45) (>= netstandard1.0) (< netstandard1.3) (< win8) (< wp8) (< wpa81)) (&& (< monoandroid) (< net45) (>= netstandard1.3) (< netstandard1.5) (< win8) (< wpa81)) (&& (< monotouch) (< net45) (>= netstandard1.5) (< win8) (< wpa81) (< xamarinios) (< xamarinmac) (< xamarintvos) (< xamarinwatchos))
      System.Threading.Tasks (>= 4.3) - restriction: || (&& (< monoandroid) (< net45) (>= netstandard1.0) (< netstandard1.3) (< win8) (< wp8) (< wpa81)) (&& (< monoandroid) (< net45) (>= netstandard1.3) (< netstandard1.5) (< win8) (< wpa81)) (&& (< monotouch) (< net45) (>= netstandard1.5) (< win8) (< wpa81) (< xamarinios) (< xamarinmac) (< xamarintvos) (< xamarinwatchos))
    System.IO.FileSystem (4.3) - restriction: || (&& (< monoandroid) (< net45) (>= netstandard2.0) (< win8) (< wpa81) (< xamarinios) (< xamarinmac) (< xamarintvos) (< xamarinwatchos)) (&& (< net46) (>= netstandard2.0) (< xamarinios) (< xamarinmac) (< xamarintvos) (< xamarinwatchos)) (>= netcoreapp3.1)
      Microsoft.NETCore.Platforms (>= 1.1) - restriction: && (< monoandroid) (< monotouch) (< net46) (>= netstandard1.3) (< xamarinios) (< xamarinmac) (< xamarintvos) (< xamarinwatchos)
      Microsoft.NETCore.Targets (>= 1.1) - restriction: && (< monoandroid) (< monotouch) (< net46) (>= netstandard1.3) (< xamarinios) (< xamarinmac) (< xamarintvos) (< xamarinwatchos)
      System.IO (>= 4.3) - restriction: && (< monoandroid) (< monotouch) (< net46) (>= netstandard1.3) (< xamarinios) (< xamarinmac) (< xamarintvos) (< xamarinwatchos)
      System.IO.FileSystem.Primitives (>= 4.3) - restriction: || (&& (< monoandroid) (< monotouch) (>= netstandard1.3) (< xamarinios) (< xamarinmac) (< xamarintvos) (< xamarinwatchos)) (>= net46)
      System.Runtime (>= 4.3) - restriction: && (< monoandroid) (< monotouch) (< net46) (>= netstandard1.3) (< xamarinios) (< xamarinmac) (< xamarintvos) (< xamarinwatchos)
      System.Runtime.Handles (>= 4.3) - restriction: && (< monoandroid) (< monotouch) (< net46) (>= netstandard1.3) (< xamarinios) (< xamarinmac) (< xamarintvos) (< xamarinwatchos)
      System.Text.Encoding (>= 4.3) - restriction: && (< monoandroid) (< monotouch) (< net46) (>= netstandard1.3) (< xamarinios) (< xamarinmac) (< xamarintvos) (< xamarinwatchos)
      System.Threading.Tasks (>= 4.3) - restriction: && (< monoandroid) (< monotouch) (< net46) (>= netstandard1.3) (< xamarinios) (< xamarinmac) (< xamarintvos) (< xamarinwatchos)
    System.IO.FileSystem.Primitives (4.3) - restriction: || (&& (< monoandroid) (>= netcoreapp3.1) (< xamarinios) (< xamarinmac) (< xamarintvos) (< xamarinwatchos)) (&& (>= net46) (>= netcoreapp3.1)) (&& (< net46) (>= netstandard2.0) (< xamarinios) (< xamarinmac) (< xamarintvos) (< xamarinwatchos))
      System.Runtime (>= 4.3) - restriction: && (< monoandroid) (< monotouch) (< net46) (>= netstandard1.3) (< xamarinios) (< xamarinmac) (< xamarintvos) (< xamarinwatchos)
    System.Linq (4.3) - restriction: || (&& (< monoandroid) (< net45) (< netstandard1.3) (>= netstandard2.0) (< win8) (< wpa81)) (&& (< monoandroid) (< net46) (< netstandard1.6) (>= netstandard2.0)) (&& (< monoandroid) (< net46) (>= netstandard2.0) (< xamarinios) (< xamarinmac) (< xamarintvos) (< xamarinwatchos)) (&& (< monoandroid) (>= netcoreapp3.1) (< xamarinios) (< xamarinmac) (< xamarintvos) (< xamarinwatchos)) (&& (< net45) (>= netstandard2.0) (< xamarinios) (< xamarinmac) (< xamarintvos) (< xamarinwatchos))
      System.Collections (>= 4.3) - restriction: || (&& (< monoandroid) (< net45) (>= netstandard1.0) (< netstandard1.6) (< win8) (< wp8) (< wpa81)) (&& (< monotouch) (< net45) (>= netstandard1.6) (< xamarinios) (< xamarinmac) (< xamarintvos) (< xamarinwatchos))
      System.Diagnostics.Debug (>= 4.3) - restriction: && (< monotouch) (< net45) (>= netstandard1.6) (< xamarinios) (< xamarinmac) (< xamarintvos) (< xamarinwatchos)
      System.Resources.ResourceManager (>= 4.3) - restriction: && (< monotouch) (< net45) (>= netstandard1.6) (< xamarinios) (< xamarinmac) (< xamarintvos) (< xamarinwatchos)
      System.Runtime (>= 4.3) - restriction: || (&& (< monoandroid) (< net45) (>= netstandard1.0) (< netstandard1.6) (< win8) (< wp8) (< wpa81)) (&& (< monotouch) (< net45) (>= netstandard1.6) (< xamarinios) (< xamarinmac) (< xamarintvos) (< xamarinwatchos))
      System.Runtime.Extensions (>= 4.3) - restriction: && (< monotouch) (< net45) (>= netstandard1.6) (< xamarinios) (< xamarinmac) (< xamarintvos) (< xamarinwatchos)
    System.Linq.Expressions (4.3) - restriction: || (&& (< monoandroid) (>= netcoreapp3.1) (< netstandard1.3)) (&& (< monoandroid) (>= netcoreapp3.1) (< xamarinios) (< xamarinmac) (< xamarintvos) (< xamarinwatchos)) (>= netstandard2.0)
      System.Collections (>= 4.3) - restriction: && (< monotouch) (< net45) (>= netstandard1.6) (< xamarinios) (< xamarinmac) (< xamarintvos) (< xamarinwatchos)
      System.Diagnostics.Debug (>= 4.3) - restriction: && (< monotouch) (< net45) (>= netstandard1.6) (< xamarinios) (< xamarinmac) (< xamarintvos) (< xamarinwatchos)
      System.Globalization (>= 4.3) - restriction: && (< monotouch) (< net45) (>= netstandard1.6) (< xamarinios) (< xamarinmac) (< xamarintvos) (< xamarinwatchos)
      System.IO (>= 4.3) - restriction: && (< monotouch) (< net45) (>= netstandard1.6) (< xamarinios) (< xamarinmac) (< xamarintvos) (< xamarinwatchos)
      System.Linq (>= 4.3) - restriction: && (< monotouch) (< net45) (>= netstandard1.6) (< xamarinios) (< xamarinmac) (< xamarintvos) (< xamarinwatchos)
      System.ObjectModel (>= 4.3) - restriction: && (< monotouch) (< net45) (>= netstandard1.6) (< xamarinios) (< xamarinmac) (< xamarintvos) (< xamarinwatchos)
      System.Reflection (>= 4.3) - restriction: || (&& (< monoandroid) (< net45) (>= netstandard1.0) (< netstandard1.3) (< win8) (< wp8) (< wpa81)) (&& (< monoandroid) (< net45) (>= netstandard1.3) (< netstandard1.6) (< win8) (< wpa81)) (&& (< monotouch) (< net45) (>= netstandard1.6) (< xamarinios) (< xamarinmac) (< xamarintvos) (< xamarinwatchos))
      System.Reflection.Emit (>= 4.3) - restriction: && (< monotouch) (< net45) (>= netstandard1.6) (< xamarinios) (< xamarinmac) (< xamarintvos) (< xamarinwatchos)
      System.Reflection.Emit.ILGeneration (>= 4.3) - restriction: && (< monotouch) (< net45) (>= netstandard1.6) (< xamarinios) (< xamarinmac) (< xamarintvos) (< xamarinwatchos)
      System.Reflection.Emit.Lightweight (>= 4.3) - restriction: && (< monotouch) (< net45) (>= netstandard1.6) (< xamarinios) (< xamarinmac) (< xamarintvos) (< xamarinwatchos)
      System.Reflection.Extensions (>= 4.3) - restriction: && (< monotouch) (< net45) (>= netstandard1.6) (< xamarinios) (< xamarinmac) (< xamarintvos) (< xamarinwatchos)
      System.Reflection.Primitives (>= 4.3) - restriction: && (< monotouch) (< net45) (>= netstandard1.6) (< xamarinios) (< xamarinmac) (< xamarintvos) (< xamarinwatchos)
      System.Reflection.TypeExtensions (>= 4.3) - restriction: && (< monotouch) (< net45) (>= netstandard1.6) (< xamarinios) (< xamarinmac) (< xamarintvos) (< xamarinwatchos)
      System.Resources.ResourceManager (>= 4.3) - restriction: && (< monotouch) (< net45) (>= netstandard1.6) (< xamarinios) (< xamarinmac) (< xamarintvos) (< xamarinwatchos)
      System.Runtime (>= 4.3) - restriction: || (&& (< monoandroid) (< net45) (>= netstandard1.0) (< netstandard1.3) (< win8) (< wp8) (< wpa81)) (&& (< monoandroid) (< net45) (>= netstandard1.3) (< netstandard1.6) (< win8) (< wpa81)) (&& (< monotouch) (< net45) (>= netstandard1.6) (< xamarinios) (< xamarinmac) (< xamarintvos) (< xamarinwatchos))
      System.Runtime.Extensions (>= 4.3) - restriction: && (< monotouch) (< net45) (>= netstandard1.6) (< xamarinios) (< xamarinmac) (< xamarintvos) (< xamarinwatchos)
      System.Threading (>= 4.3) - restriction: && (< monotouch) (< net45) (>= netstandard1.6) (< xamarinios) (< xamarinmac) (< xamarintvos) (< xamarinwatchos)
    System.Linq.Queryable (4.3) - restriction: >= netstandard2.0
      System.Collections (>= 4.3) - restriction: && (< monoandroid) (< monotouch) (< net45) (>= netstandard1.3) (< win8) (< wpa81) (< xamarinios) (< xamarinmac) (< xamarintvos) (< xamarinwatchos)
      System.Diagnostics.Debug (>= 4.3) - restriction: && (< monoandroid) (< monotouch) (< net45) (>= netstandard1.3) (< win8) (< wpa81) (< xamarinios) (< xamarinmac) (< xamarintvos) (< xamarinwatchos)
      System.Linq (>= 4.3) - restriction: || (&& (< monoandroid) (< monotouch) (< net45) (>= netstandard1.3) (< win8) (< wpa81) (< xamarinios) (< xamarinmac) (< xamarintvos) (< xamarinwatchos)) (&& (< monoandroid) (< net45) (>= netstandard1.0) (< netstandard1.3) (< win8) (< wp8) (< wpa81))
      System.Linq.Expressions (>= 4.3) - restriction: || (&& (< monoandroid) (< monotouch) (< net45) (>= netstandard1.3) (< win8) (< wpa81) (< xamarinios) (< xamarinmac) (< xamarintvos) (< xamarinwatchos)) (&& (< monoandroid) (< net45) (>= netstandard1.0) (< netstandard1.3) (< win8) (< wp8) (< wpa81))
      System.Reflection (>= 4.3) - restriction: && (< monoandroid) (< monotouch) (< net45) (>= netstandard1.3) (< win8) (< wpa81) (< xamarinios) (< xamarinmac) (< xamarintvos) (< xamarinwatchos)
      System.Reflection.Extensions (>= 4.3) - restriction: && (< monoandroid) (< monotouch) (< net45) (>= netstandard1.3) (< win8) (< wpa81) (< xamarinios) (< xamarinmac) (< xamarintvos) (< xamarinwatchos)
      System.Resources.ResourceManager (>= 4.3) - restriction: && (< monoandroid) (< monotouch) (< net45) (>= netstandard1.3) (< win8) (< wpa81) (< xamarinios) (< xamarinmac) (< xamarintvos) (< xamarinwatchos)
      System.Runtime (>= 4.3) - restriction: || (&& (< monoandroid) (< monotouch) (< net45) (>= netstandard1.3) (< win8) (< wpa81) (< xamarinios) (< xamarinmac) (< xamarintvos) (< xamarinwatchos)) (&& (< monoandroid) (< net45) (>= netstandard1.0) (< netstandard1.3) (< win8) (< wp8) (< wpa81))
    System.Memory (4.5.4) - restriction: || (&& (< monoandroid) (>= netcoreapp2.0) (< netcoreapp2.1) (< netstandard2.1) (< xamarintvos) (< xamarinwatchos)) (&& (>= net45) (>= netcoreapp3.1)) (&& (< net5.0) (>= netcoreapp3.1)) (>= netstandard2.0)
      System.Buffers (>= 4.5.1) - restriction: || (&& (>= monoandroid) (< netstandard1.1)) (&& (< monoandroid) (< net45) (>= netstandard1.1) (< netstandard2.0) (< win8) (< wpa81)) (&& (< monoandroid) (< netstandard1.1) (>= portable-net45+win8+wpa81) (< win8)) (>= monotouch) (&& (>= net45) (< netstandard2.0)) (&& (< net45) (< netcoreapp2.0) (>= netstandard2.0)) (>= net461) (&& (< netstandard1.1) (>= win8)) (&& (< netstandard2.0) (< uap10.1) (>= wpa81)) (>= xamarinios) (>= xamarinmac) (>= xamarintvos) (>= xamarinwatchos)
      System.Numerics.Vectors (>= 4.4) - restriction: && (< net45) (< netcoreapp2.0) (>= netstandard2.0) (< xamarinios) (< xamarinmac) (< xamarintvos) (< xamarinwatchos)
      System.Numerics.Vectors (>= 4.5) - restriction: >= net461
      System.Runtime.CompilerServices.Unsafe (>= 4.5.3) - restriction: || (&& (>= monoandroid) (< netstandard1.1)) (&& (< monoandroid) (< net45) (>= netstandard1.1) (< netstandard2.0) (< win8) (< wpa81)) (&& (< monoandroid) (>= netcoreapp2.0) (< netcoreapp2.1)) (&& (< monoandroid) (< netstandard1.1) (>= portable-net45+win8+wpa81) (< win8)) (>= monotouch) (&& (>= net45) (< netstandard2.0)) (&& (< net45) (< netcoreapp2.0) (>= netstandard2.0)) (>= net461) (&& (< netstandard1.1) (>= win8)) (&& (< netstandard2.0) (>= wpa81)) (>= uap10.1) (>= xamarinios) (>= xamarinmac) (>= xamarintvos) (>= xamarinwatchos)
    System.Memory.Data (1.0.2) - restriction: >= netcoreapp3.1
      System.Text.Encodings.Web (>= 4.7.2) - restriction: || (>= net461) (>= netstandard2.0)
      System.Text.Json (>= 4.6) - restriction: || (>= net461) (>= netstandard2.0)
    System.Net.Http (4.3.4) - restriction: && (< monoandroid) (< net45) (>= netstandard2.0) (< win8) (< wpa81) (< xamarinios) (< xamarinmac) (< xamarintvos) (< xamarinwatchos)
      Microsoft.NETCore.Platforms (>= 1.1.1) - restriction: || (&& (< monoandroid) (< net45) (>= netstandard1.3) (< netstandard1.6) (< win8) (< wpa81)) (&& (< monotouch) (< net45) (>= netstandard1.6) (< xamarinios) (< xamarinmac) (< xamarintvos) (< xamarinwatchos))
      runtime.native.System (>= 4.3) - restriction: && (< monotouch) (< net45) (>= netstandard1.6) (< xamarinios) (< xamarinmac) (< xamarintvos) (< xamarinwatchos)
      runtime.native.System.Net.Http (>= 4.3) - restriction: && (< monotouch) (< net45) (>= netstandard1.6) (< xamarinios) (< xamarinmac) (< xamarintvos) (< xamarinwatchos)
      runtime.native.System.Security.Cryptography.OpenSsl (>= 4.3.2) - restriction: && (< monotouch) (< net45) (>= netstandard1.6) (< xamarinios) (< xamarinmac) (< xamarintvos) (< xamarinwatchos)
      System.Collections (>= 4.3) - restriction: || (&& (< monoandroid) (< net45) (>= netstandard1.3) (< netstandard1.6) (< win8) (< wpa81)) (&& (< monotouch) (< net45) (>= netstandard1.6) (< xamarinios) (< xamarinmac) (< xamarintvos) (< xamarinwatchos))
      System.Diagnostics.Debug (>= 4.3) - restriction: || (&& (< monoandroid) (< net45) (>= netstandard1.3) (< netstandard1.6) (< win8) (< wpa81)) (&& (< monotouch) (< net45) (>= netstandard1.6) (< xamarinios) (< xamarinmac) (< xamarintvos) (< xamarinwatchos))
      System.Diagnostics.DiagnosticSource (>= 4.3) - restriction: || (&& (< monoandroid) (< net45) (>= netstandard1.3) (< netstandard1.6) (< win8) (< wpa81)) (&& (< monotouch) (< net45) (>= netstandard1.6) (< xamarinios) (< xamarinmac) (< xamarintvos) (< xamarinwatchos))
      System.Diagnostics.Tracing (>= 4.3) - restriction: || (&& (< monoandroid) (< net45) (>= netstandard1.3) (< netstandard1.6) (< win8) (< wpa81)) (&& (< monotouch) (< net45) (>= netstandard1.6) (< xamarinios) (< xamarinmac) (< xamarintvos) (< xamarinwatchos))
      System.Globalization (>= 4.3) - restriction: || (&& (< monoandroid) (< net45) (>= netstandard1.3) (< netstandard1.6) (< win8) (< wpa81)) (&& (< monotouch) (< net45) (>= netstandard1.6) (< xamarinios) (< xamarinmac) (< xamarintvos) (< xamarinwatchos))
      System.Globalization.Extensions (>= 4.3) - restriction: && (< monotouch) (< net45) (>= netstandard1.6) (< xamarinios) (< xamarinmac) (< xamarintvos) (< xamarinwatchos)
      System.IO (>= 4.3) - restriction: || (&& (< monoandroid) (< net45) (>= netstandard1.1) (< netstandard1.3) (< win8) (< wpa81)) (&& (< monoandroid) (< net45) (>= netstandard1.3) (< netstandard1.6) (< win8) (< wpa81)) (&& (< monotouch) (< net45) (>= netstandard1.6) (< xamarinios) (< xamarinmac) (< xamarintvos) (< xamarinwatchos))
      System.IO.FileSystem (>= 4.3) - restriction: && (< monotouch) (< net45) (>= netstandard1.6) (< xamarinios) (< xamarinmac) (< xamarintvos) (< xamarinwatchos)
      System.Net.Primitives (>= 4.3) - restriction: || (&& (< monoandroid) (< net45) (>= netstandard1.1) (< netstandard1.3) (< win8) (< wpa81)) (&& (< monoandroid) (< net45) (>= netstandard1.3) (< netstandard1.6) (< win8) (< wpa81)) (&& (< monotouch) (< net45) (>= netstandard1.6) (< xamarinios) (< xamarinmac) (< xamarintvos) (< xamarinwatchos))
      System.Resources.ResourceManager (>= 4.3) - restriction: || (&& (< monoandroid) (< net45) (>= netstandard1.3) (< netstandard1.6) (< win8) (< wpa81)) (&& (< monotouch) (< net45) (>= netstandard1.6) (< xamarinios) (< xamarinmac) (< xamarintvos) (< xamarinwatchos))
      System.Runtime (>= 4.3) - restriction: || (&& (< monoandroid) (< net45) (>= netstandard1.1) (< netstandard1.3) (< win8) (< wpa81)) (&& (< monoandroid) (< net45) (>= netstandard1.3) (< netstandard1.6) (< win8) (< wpa81)) (&& (< monotouch) (< net45) (>= netstandard1.6) (< xamarinios) (< xamarinmac) (< xamarintvos) (< xamarinwatchos))
      System.Runtime.Extensions (>= 4.3) - restriction: || (&& (< monoandroid) (< net45) (>= netstandard1.3) (< netstandard1.6) (< win8) (< wpa81)) (&& (< monotouch) (< net45) (>= netstandard1.6) (< xamarinios) (< xamarinmac) (< xamarintvos) (< xamarinwatchos))
      System.Runtime.Handles (>= 4.3) - restriction: || (&& (< monoandroid) (< net45) (>= netstandard1.3) (< netstandard1.6) (< win8) (< wpa81)) (&& (< monotouch) (< net45) (>= netstandard1.6) (< xamarinios) (< xamarinmac) (< xamarintvos) (< xamarinwatchos))
      System.Runtime.InteropServices (>= 4.3) - restriction: || (&& (< monoandroid) (< net45) (>= netstandard1.3) (< netstandard1.6) (< win8) (< wpa81)) (&& (< monotouch) (< net45) (>= netstandard1.6) (< xamarinios) (< xamarinmac) (< xamarintvos) (< xamarinwatchos))
      System.Security.Cryptography.Algorithms (>= 4.3) - restriction: && (< monotouch) (< net45) (>= netstandard1.6) (< xamarinios) (< xamarinmac) (< xamarintvos) (< xamarinwatchos)
      System.Security.Cryptography.Encoding (>= 4.3) - restriction: || (&& (< monoandroid) (< net45) (>= netstandard1.3) (< netstandard1.6) (< win8) (< wpa81)) (&& (< monotouch) (< net45) (>= netstandard1.6) (< xamarinios) (< xamarinmac) (< xamarintvos) (< xamarinwatchos))
      System.Security.Cryptography.OpenSsl (>= 4.3) - restriction: && (< monotouch) (< net45) (>= netstandard1.6) (< xamarinios) (< xamarinmac) (< xamarintvos) (< xamarinwatchos)
      System.Security.Cryptography.Primitives (>= 4.3) - restriction: && (< monotouch) (< net45) (>= netstandard1.6) (< xamarinios) (< xamarinmac) (< xamarintvos) (< xamarinwatchos)
      System.Security.Cryptography.X509Certificates (>= 4.3) - restriction: || (&& (< monoandroid) (< net45) (>= netstandard1.3) (< netstandard1.6) (< win8) (< wpa81)) (&& (< monotouch) (< net45) (>= netstandard1.6) (< xamarinios) (< xamarinmac) (< xamarintvos) (< xamarinwatchos)) (>= net46)
      System.Text.Encoding (>= 4.3) - restriction: || (&& (< monoandroid) (< net45) (>= netstandard1.1) (< netstandard1.3) (< win8) (< wpa81)) (&& (< monoandroid) (< net45) (>= netstandard1.3) (< netstandard1.6) (< win8) (< wpa81)) (&& (< monotouch) (< net45) (>= netstandard1.6) (< xamarinios) (< xamarinmac) (< xamarintvos) (< xamarinwatchos))
      System.Threading (>= 4.3) - restriction: || (&& (< monoandroid) (< net45) (>= netstandard1.3) (< netstandard1.6) (< win8) (< wpa81)) (&& (< monotouch) (< net45) (>= netstandard1.6) (< xamarinios) (< xamarinmac) (< xamarintvos) (< xamarinwatchos))
      System.Threading.Tasks (>= 4.3) - restriction: || (&& (< monoandroid) (< net45) (>= netstandard1.1) (< netstandard1.3) (< win8) (< wpa81)) (&& (< monoandroid) (< net45) (>= netstandard1.3) (< netstandard1.6) (< win8) (< wpa81)) (&& (< monotouch) (< net45) (>= netstandard1.6) (< xamarinios) (< xamarinmac) (< xamarintvos) (< xamarinwatchos))
    System.Net.Primitives (4.3.1) - restriction: || (&& (< monoandroid) (< net45) (< netstandard1.3) (>= netstandard2.0) (< win8) (< wpa81)) (&& (< monoandroid) (< net45) (>= netstandard2.0) (< win8) (< wpa81) (< xamarinios) (< xamarinmac) (< xamarintvos) (< xamarinwatchos)) (&& (< monoandroid) (< net46) (< netstandard1.6) (>= netstandard2.0)) (&& (< monoandroid) (< netstandard1.1) (>= netstandard2.0) (< win8)) (&& (< net46) (>= netstandard2.0) (< xamarinios) (< xamarinmac) (< xamarintvos) (< xamarinwatchos)) (>= netcoreapp3.1)
      Microsoft.NETCore.Platforms (>= 1.1.1) - restriction: || (&& (< monoandroid) (< monotouch) (< net45) (>= netstandard1.3) (< win8) (< wpa81) (< xamarinios) (< xamarinmac) (< xamarintvos) (< xamarinwatchos)) (&& (< monoandroid) (< net45) (>= netstandard1.1) (< netstandard1.3) (< win8) (< wpa81)) (&& (< monoandroid) (>= netstandard1.0) (< netstandard1.1) (< win8) (< wp8))
      Microsoft.NETCore.Targets (>= 1.1.3) - restriction: || (&& (< monoandroid) (< monotouch) (< net45) (>= netstandard1.3) (< win8) (< wpa81) (< xamarinios) (< xamarinmac) (< xamarintvos) (< xamarinwatchos)) (&& (< monoandroid) (< net45) (>= netstandard1.1) (< netstandard1.3) (< win8) (< wpa81)) (&& (< monoandroid) (>= netstandard1.0) (< netstandard1.1) (< win8) (< wp8))
      System.Runtime (>= 4.3.1) - restriction: || (&& (< monoandroid) (< monotouch) (< net45) (>= netstandard1.3) (< win8) (< wpa81) (< xamarinios) (< xamarinmac) (< xamarintvos) (< xamarinwatchos)) (&& (< monoandroid) (< net45) (>= netstandard1.1) (< netstandard1.3) (< win8) (< wpa81)) (&& (< monoandroid) (>= netstandard1.0) (< netstandard1.1) (< win8) (< wp8))
      System.Runtime.Handles (>= 4.3) - restriction: && (< monoandroid) (< monotouch) (< net45) (>= netstandard1.3) (< win8) (< wpa81) (< xamarinios) (< xamarinmac) (< xamarintvos) (< xamarinwatchos)
    System.Net.Requests (4.3) - restriction: >= netstandard2.0
      Microsoft.NETCore.Platforms (>= 1.1) - restriction: && (< monoandroid) (< monotouch) (< net45) (>= netstandard1.3) (< win8) (< wpa81) (< xamarinios) (< xamarinmac) (< xamarintvos) (< xamarinwatchos)
      System.Collections (>= 4.3) - restriction: && (< monoandroid) (< monotouch) (< net45) (>= netstandard1.3) (< win8) (< wpa81) (< xamarinios) (< xamarinmac) (< xamarintvos) (< xamarinwatchos)
      System.Diagnostics.Debug (>= 4.3) - restriction: && (< monoandroid) (< monotouch) (< net45) (>= netstandard1.3) (< win8) (< wpa81) (< xamarinios) (< xamarinmac) (< xamarintvos) (< xamarinwatchos)
      System.Diagnostics.Tracing (>= 4.3) - restriction: && (< monoandroid) (< monotouch) (< net45) (>= netstandard1.3) (< win8) (< wpa81) (< xamarinios) (< xamarinmac) (< xamarintvos) (< xamarinwatchos)
      System.Globalization (>= 4.3) - restriction: && (< monoandroid) (< monotouch) (< net45) (>= netstandard1.3) (< win8) (< wpa81) (< xamarinios) (< xamarinmac) (< xamarintvos) (< xamarinwatchos)
      System.IO (>= 4.3) - restriction: || (&& (< monoandroid) (< monotouch) (< net45) (>= netstandard1.3) (< win8) (< wpa81) (< xamarinios) (< xamarinmac) (< xamarintvos) (< xamarinwatchos)) (&& (< monoandroid) (< net45) (>= netstandard1.1) (< netstandard1.3) (< win8) (< wpa81)) (&& (< monoandroid) (>= netstandard1.0) (< netstandard1.1) (< win8) (< wp8))
      System.Net.Http (>= 4.3) - restriction: && (< monoandroid) (< monotouch) (< net45) (>= netstandard1.3) (< win8) (< wpa81) (< xamarinios) (< xamarinmac) (< xamarintvos) (< xamarinwatchos)
      System.Net.Primitives (>= 4.3) - restriction: || (&& (< monoandroid) (< monotouch) (< net45) (>= netstandard1.3) (< win8) (< wpa81) (< xamarinios) (< xamarinmac) (< xamarintvos) (< xamarinwatchos)) (&& (< monoandroid) (< net45) (>= netstandard1.1) (< netstandard1.3) (< win8) (< wpa81)) (&& (< monoandroid) (>= netstandard1.0) (< netstandard1.1) (< win8) (< wp8))
      System.Net.WebHeaderCollection (>= 4.3) - restriction: && (< monoandroid) (< monotouch) (< net45) (>= netstandard1.3) (< win8) (< wpa81) (< xamarinios) (< xamarinmac) (< xamarintvos) (< xamarinwatchos)
      System.Resources.ResourceManager (>= 4.3) - restriction: && (< monoandroid) (< monotouch) (< net45) (>= netstandard1.3) (< win8) (< wpa81) (< xamarinios) (< xamarinmac) (< xamarintvos) (< xamarinwatchos)
      System.Runtime (>= 4.3) - restriction: || (&& (< monoandroid) (< monotouch) (< net45) (>= netstandard1.3) (< win8) (< wpa81) (< xamarinios) (< xamarinmac) (< xamarintvos) (< xamarinwatchos)) (&& (< monoandroid) (< net45) (>= netstandard1.1) (< netstandard1.3) (< win8) (< wpa81)) (&& (< monoandroid) (>= netstandard1.0) (< netstandard1.1) (< win8) (< wp8))
      System.Threading (>= 4.3) - restriction: && (< monoandroid) (< monotouch) (< net45) (>= netstandard1.3) (< win8) (< wpa81) (< xamarinios) (< xamarinmac) (< xamarintvos) (< xamarinwatchos)
      System.Threading.Tasks (>= 4.3) - restriction: || (&& (< monoandroid) (< monotouch) (< net45) (>= netstandard1.3) (< win8) (< wpa81) (< xamarinios) (< xamarinmac) (< xamarintvos) (< xamarinwatchos)) (&& (< monoandroid) (< net45) (>= netstandard1.1) (< netstandard1.3) (< win8) (< wpa81))
    System.Net.Security (4.3.2) - restriction: >= netstandard2.0
      Microsoft.NETCore.Platforms (>= 1.1) - restriction: || (&& (< monoandroid) (< net46) (>= netstandard1.3) (< netstandard1.6)) (&& (< monotouch) (< net46) (>= netstandard1.6) (< xamarinios) (< xamarinmac) (< xamarintvos) (< xamarinwatchos))
      Microsoft.Win32.Primitives (>= 4.3) - restriction: || (&& (< monoandroid) (< net46) (>= netstandard1.3) (< netstandard1.6)) (&& (< monotouch) (< net46) (>= netstandard1.6) (< xamarinios) (< xamarinmac) (< xamarintvos) (< xamarinwatchos))
      runtime.native.System (>= 4.3) - restriction: && (< monotouch) (< net46) (>= netstandard1.6) (< xamarinios) (< xamarinmac) (< xamarintvos) (< xamarinwatchos)
      runtime.native.System.Net.Security (>= 4.3) - restriction: && (< monotouch) (< net46) (>= netstandard1.6) (< xamarinios) (< xamarinmac) (< xamarintvos) (< xamarinwatchos)
      runtime.native.System.Security.Cryptography.OpenSsl (>= 4.3.2) - restriction: && (< monotouch) (< net46) (>= netstandard1.6) (< xamarinios) (< xamarinmac) (< xamarintvos) (< xamarinwatchos)
      System.Collections (>= 4.3) - restriction: || (&& (< monoandroid) (< net46) (>= netstandard1.3) (< netstandard1.6)) (&& (< monotouch) (< net46) (>= netstandard1.6) (< xamarinios) (< xamarinmac) (< xamarintvos) (< xamarinwatchos))
      System.Collections.Concurrent (>= 4.3) - restriction: || (&& (< monoandroid) (< net46) (>= netstandard1.3) (< netstandard1.6)) (&& (< monotouch) (< net46) (>= netstandard1.6) (< xamarinios) (< xamarinmac) (< xamarintvos) (< xamarinwatchos))
      System.Diagnostics.Tracing (>= 4.3) - restriction: || (&& (< monoandroid) (< net46) (>= netstandard1.3) (< netstandard1.6)) (&& (< monotouch) (< net46) (>= netstandard1.6) (< xamarinios) (< xamarinmac) (< xamarintvos) (< xamarinwatchos))
      System.Globalization (>= 4.3) - restriction: || (&& (< monoandroid) (< net46) (>= netstandard1.3) (< netstandard1.6)) (&& (< monotouch) (< net46) (>= netstandard1.6) (< xamarinios) (< xamarinmac) (< xamarintvos) (< xamarinwatchos))
      System.Globalization.Extensions (>= 4.3) - restriction: && (< monotouch) (< net46) (>= netstandard1.6) (< xamarinios) (< xamarinmac) (< xamarintvos) (< xamarinwatchos)
      System.IO (>= 4.3) - restriction: || (&& (< monoandroid) (< net46) (>= netstandard1.3) (< netstandard1.6)) (&& (< monotouch) (< net46) (>= netstandard1.6) (< xamarinios) (< xamarinmac) (< xamarintvos) (< xamarinwatchos))
      System.Net.Primitives (>= 4.3) - restriction: || (&& (< monoandroid) (< net46) (>= netstandard1.3) (< netstandard1.6)) (&& (< monotouch) (< net46) (>= netstandard1.6) (< xamarinios) (< xamarinmac) (< xamarintvos) (< xamarinwatchos))
      System.Resources.ResourceManager (>= 4.3) - restriction: || (&& (< monoandroid) (< net46) (>= netstandard1.3) (< netstandard1.6)) (&& (< monotouch) (< net46) (>= netstandard1.6) (< xamarinios) (< xamarinmac) (< xamarintvos) (< xamarinwatchos))
      System.Runtime (>= 4.3) - restriction: || (&& (< monoandroid) (< net46) (>= netstandard1.3) (< netstandard1.6)) (&& (< monotouch) (< net46) (>= netstandard1.6) (< xamarinios) (< xamarinmac) (< xamarintvos) (< xamarinwatchos))
      System.Runtime.Extensions (>= 4.3) - restriction: || (&& (< monoandroid) (< net46) (>= netstandard1.3) (< netstandard1.6)) (&& (< monotouch) (< net46) (>= netstandard1.6) (< xamarinios) (< xamarinmac) (< xamarintvos) (< xamarinwatchos))
      System.Runtime.Handles (>= 4.3) - restriction: || (&& (< monoandroid) (< net46) (>= netstandard1.3) (< netstandard1.6)) (&& (< monotouch) (< net46) (>= netstandard1.6) (< xamarinios) (< xamarinmac) (< xamarintvos) (< xamarinwatchos))
      System.Runtime.InteropServices (>= 4.3) - restriction: || (&& (< monoandroid) (< net46) (>= netstandard1.3) (< netstandard1.6)) (&& (< monotouch) (< net46) (>= netstandard1.6) (< xamarinios) (< xamarinmac) (< xamarintvos) (< xamarinwatchos))
      System.Security.Claims (>= 4.3) - restriction: || (&& (< monoandroid) (< net46) (>= netstandard1.3) (< netstandard1.6)) (&& (< monotouch) (< net46) (>= netstandard1.6) (< xamarinios) (< xamarinmac) (< xamarintvos) (< xamarinwatchos))
      System.Security.Cryptography.Algorithms (>= 4.3) - restriction: && (< monotouch) (< net46) (>= netstandard1.6) (< xamarinios) (< xamarinmac) (< xamarintvos) (< xamarinwatchos)
      System.Security.Cryptography.Encoding (>= 4.3) - restriction: || (&& (< monoandroid) (< net46) (>= netstandard1.3) (< netstandard1.6)) (&& (< monotouch) (< net46) (>= netstandard1.6) (< xamarinios) (< xamarinmac) (< xamarintvos) (< xamarinwatchos))
      System.Security.Cryptography.OpenSsl (>= 4.3) - restriction: && (< monotouch) (< net46) (>= netstandard1.6) (< xamarinios) (< xamarinmac) (< xamarintvos) (< xamarinwatchos)
      System.Security.Cryptography.Primitives (>= 4.3) - restriction: || (&& (< monoandroid) (< net46) (>= netstandard1.3) (< netstandard1.6)) (&& (< monotouch) (< net46) (>= netstandard1.6) (< xamarinios) (< xamarinmac) (< xamarintvos) (< xamarinwatchos))
      System.Security.Cryptography.X509Certificates (>= 4.3) - restriction: || (&& (< monoandroid) (>= netstandard1.3) (< netstandard1.6)) (&& (< monotouch) (>= netstandard1.6) (< xamarinios) (< xamarinmac) (< xamarintvos) (< xamarinwatchos)) (>= net46)
      System.Security.Principal (>= 4.3) - restriction: || (&& (< monoandroid) (< net46) (>= netstandard1.3) (< netstandard1.6)) (&& (< monotouch) (< net46) (>= netstandard1.6) (< xamarinios) (< xamarinmac) (< xamarintvos) (< xamarinwatchos))
      System.Text.Encoding (>= 4.3) - restriction: && (< monotouch) (< net46) (>= netstandard1.6) (< xamarinios) (< xamarinmac) (< xamarintvos) (< xamarinwatchos)
      System.Threading (>= 4.3) - restriction: || (&& (< monoandroid) (< net46) (>= netstandard1.3) (< netstandard1.6)) (&& (< monotouch) (< net46) (>= netstandard1.6) (< xamarinios) (< xamarinmac) (< xamarintvos) (< xamarinwatchos))
      System.Threading.Tasks (>= 4.3) - restriction: || (&& (< monoandroid) (< net46) (>= netstandard1.3) (< netstandard1.6)) (&& (< monotouch) (< net46) (>= netstandard1.6) (< xamarinios) (< xamarinmac) (< xamarintvos) (< xamarinwatchos))
      System.Threading.ThreadPool (>= 4.3) - restriction: || (&& (< monoandroid) (< net46) (>= netstandard1.3) (< netstandard1.6)) (&& (< monotouch) (< net46) (>= netstandard1.6) (< xamarinios) (< xamarinmac) (< xamarintvos) (< xamarinwatchos))
    System.Net.WebHeaderCollection (4.3) - restriction: && (< monoandroid) (< net45) (>= netstandard2.0) (< win8) (< wpa81) (< xamarinios) (< xamarinmac) (< xamarintvos) (< xamarinwatchos)
      System.Collections (>= 4.3) - restriction: && (< monoandroid) (< monotouch) (< net46) (>= netstandard1.3) (< xamarinios) (< xamarinmac) (< xamarintvos) (< xamarinwatchos)
      System.Resources.ResourceManager (>= 4.3) - restriction: && (< monoandroid) (< monotouch) (< net46) (>= netstandard1.3) (< xamarinios) (< xamarinmac) (< xamarintvos) (< xamarinwatchos)
      System.Runtime (>= 4.3) - restriction: && (< monoandroid) (< monotouch) (< net46) (>= netstandard1.3) (< xamarinios) (< xamarinmac) (< xamarintvos) (< xamarinwatchos)
      System.Runtime.Extensions (>= 4.3) - restriction: && (< monoandroid) (< monotouch) (< net46) (>= netstandard1.3) (< xamarinios) (< xamarinmac) (< xamarintvos) (< xamarinwatchos)
    System.Numerics.Vectors (4.5) - restriction: || (&& (< net45) (< netcoreapp2.0) (>= netstandard2.0) (< xamarinios) (< xamarinmac) (< xamarintvos) (< xamarinwatchos)) (&& (>= net461) (>= netstandard2.0)) (>= netcoreapp3.1)
    System.ObjectModel (4.3) - restriction: || (&& (< monoandroid) (>= netcoreapp3.1) (< netstandard1.3)) (&& (< monoandroid) (>= netcoreapp3.1) (< xamarinios) (< xamarinmac) (< xamarintvos) (< xamarinwatchos)) (&& (< net45) (>= netstandard2.0) (< xamarinios) (< xamarinmac) (< xamarintvos) (< xamarinwatchos))
      System.Collections (>= 4.3) - restriction: && (< monoandroid) (< monotouch) (< net45) (>= netstandard1.3) (< win8) (< wpa81) (< xamarinios) (< xamarinmac) (< xamarintvos) (< xamarinwatchos)
      System.Diagnostics.Debug (>= 4.3) - restriction: && (< monoandroid) (< monotouch) (< net45) (>= netstandard1.3) (< win8) (< wpa81) (< xamarinios) (< xamarinmac) (< xamarintvos) (< xamarinwatchos)
      System.Resources.ResourceManager (>= 4.3) - restriction: && (< monoandroid) (< monotouch) (< net45) (>= netstandard1.3) (< win8) (< wpa81) (< xamarinios) (< xamarinmac) (< xamarintvos) (< xamarinwatchos)
      System.Runtime (>= 4.3) - restriction: || (&& (< monoandroid) (< monotouch) (< net45) (>= netstandard1.3) (< win8) (< wpa81) (< xamarinios) (< xamarinmac) (< xamarintvos) (< xamarinwatchos)) (&& (< monoandroid) (< net45) (>= netstandard1.0) (< netstandard1.3) (< win8) (< wp8) (< wpa81))
      System.Threading (>= 4.3) - restriction: && (< monoandroid) (< monotouch) (< net45) (>= netstandard1.3) (< win8) (< wpa81) (< xamarinios) (< xamarinmac) (< xamarintvos) (< xamarinwatchos)
    System.Reflection (4.3) - restriction: || (&& (< monoandroid) (< net45) (< netstandard1.2) (>= netstandard2.0) (< win8)) (&& (< monoandroid) (< net45) (< netstandard1.3) (>= netstandard2.0) (< win8) (< wpa81)) (&& (< monoandroid) (< net45) (< netstandard1.5) (>= netstandard2.0) (< win8) (< wpa81)) (&& (< monoandroid) (< net45) (< netstandard1.6) (>= netstandard2.0) (< win8) (< wpa81)) (&& (< monoandroid) (< net46) (< netstandard1.6) (>= netstandard2.0)) (&& (< monoandroid) (< net46) (>= netstandard2.0) (< xamarinios) (< xamarinmac) (< xamarintvos) (< xamarinwatchos)) (&& (< monoandroid) (>= netcoreapp3.1) (< netstandard1.3)) (&& (< monoandroid) (>= netcoreapp3.1) (< xamarinios) (< xamarinmac) (< xamarintvos) (< xamarinwatchos)) (&& (< net45) (>= netstandard2.0) (< xamarinios) (< xamarinmac) (< xamarintvos) (< xamarinwatchos)) (&& (>= netcoreapp1.1) (>= netstandard2.0) (< xamarinios) (< xamarinmac) (< xamarintvos) (< xamarinwatchos))
      Microsoft.NETCore.Platforms (>= 1.1) - restriction: || (&& (< monoandroid) (< net45) (>= netstandard1.0) (< netstandard1.3) (< win8) (< wp8) (< wpa81)) (&& (< monoandroid) (< net45) (>= netstandard1.3) (< netstandard1.5) (< win8) (< wpa81)) (&& (< monotouch) (< net45) (>= netstandard1.5) (< win8) (< wpa81) (< xamarinios) (< xamarinmac) (< xamarintvos) (< xamarinwatchos))
      Microsoft.NETCore.Targets (>= 1.1) - restriction: || (&& (< monoandroid) (< net45) (>= netstandard1.0) (< netstandard1.3) (< win8) (< wp8) (< wpa81)) (&& (< monoandroid) (< net45) (>= netstandard1.3) (< netstandard1.5) (< win8) (< wpa81)) (&& (< monotouch) (< net45) (>= netstandard1.5) (< win8) (< wpa81) (< xamarinios) (< xamarinmac) (< xamarintvos) (< xamarinwatchos))
      System.IO (>= 4.3) - restriction: || (&& (< monoandroid) (< net45) (>= netstandard1.0) (< netstandard1.3) (< win8) (< wp8) (< wpa81)) (&& (< monoandroid) (< net45) (>= netstandard1.3) (< netstandard1.5) (< win8) (< wpa81)) (&& (< monotouch) (< net45) (>= netstandard1.5) (< win8) (< wpa81) (< xamarinios) (< xamarinmac) (< xamarintvos) (< xamarinwatchos))
      System.Reflection.Primitives (>= 4.3) - restriction: || (&& (< monoandroid) (< net45) (>= netstandard1.0) (< netstandard1.3) (< win8) (< wp8) (< wpa81)) (&& (< monoandroid) (< net45) (>= netstandard1.3) (< netstandard1.5) (< win8) (< wpa81)) (&& (< monotouch) (< net45) (>= netstandard1.5) (< win8) (< wpa81) (< xamarinios) (< xamarinmac) (< xamarintvos) (< xamarinwatchos))
      System.Runtime (>= 4.3) - restriction: || (&& (< monoandroid) (< net45) (>= netstandard1.0) (< netstandard1.3) (< win8) (< wp8) (< wpa81)) (&& (< monoandroid) (< net45) (>= netstandard1.3) (< netstandard1.5) (< win8) (< wpa81)) (&& (< monotouch) (< net45) (>= netstandard1.5) (< win8) (< wpa81) (< xamarinios) (< xamarinmac) (< xamarintvos) (< xamarinwatchos))
    System.Reflection.Emit (4.7) - restriction: || (&& (< monoandroid) (>= netcoreapp3.1) (< xamarinios) (< xamarinmac) (< xamarintvos) (< xamarinwatchos)) (>= netstandard2.0)
      System.Reflection.Emit.ILGeneration (>= 4.7) - restriction: || (&& (< monoandroid) (< monotouch) (< net45) (>= netstandard1.1) (< netstandard2.0) (< win8) (< wpa81) (< xamarintvos) (< xamarinwatchos)) (&& (< monoandroid) (< net45) (< netcoreapp2.0) (>= netstandard2.0) (< netstandard2.1) (< xamarintvos) (< xamarinwatchos)) (&& (< monoandroid) (< netstandard1.1) (>= portable-net45+win8+wpa81) (< win8)) (&& (< netstandard1.1) (>= win8)) (&& (< netstandard2.0) (>= wpa81)) (>= uap10.1)
    System.Reflection.Emit.ILGeneration (4.7) - restriction: || (&& (< monoandroid) (< net45) (< netcoreapp2.0) (>= netstandard2.0) (< netstandard2.1) (< xamarintvos) (< xamarinwatchos)) (&& (< monoandroid) (>= netcoreapp3.1) (< xamarinios) (< xamarinmac) (< xamarintvos) (< xamarinwatchos)) (&& (< monoandroid) (< netstandard1.1) (>= netstandard2.0) (< win8)) (&& (< net45) (>= netstandard2.0) (< xamarinios) (< xamarinmac) (< xamarintvos) (< xamarinwatchos)) (&& (< netstandard1.1) (>= netstandard2.0) (>= win8)) (&& (>= netstandard2.0) (>= uap10.1))
    System.Reflection.Emit.Lightweight (4.7) - restriction: || (&& (< net45) (>= netstandard2.0) (< xamarinios) (< xamarinmac) (< xamarintvos) (< xamarinwatchos)) (>= netcoreapp3.1)
    System.Reflection.Extensions (4.3) - restriction: && (< net45) (>= netstandard2.0) (< xamarinios) (< xamarinmac) (< xamarintvos) (< xamarinwatchos)
      Microsoft.NETCore.Platforms (>= 1.1) - restriction: && (< monoandroid) (< monotouch) (< net45) (>= netstandard1.0) (< win8) (< wp8) (< wpa81) (< xamarinios) (< xamarinmac) (< xamarintvos) (< xamarinwatchos)
      Microsoft.NETCore.Targets (>= 1.1) - restriction: && (< monoandroid) (< monotouch) (< net45) (>= netstandard1.0) (< win8) (< wp8) (< wpa81) (< xamarinios) (< xamarinmac) (< xamarintvos) (< xamarinwatchos)
      System.Reflection (>= 4.3) - restriction: && (< monoandroid) (< monotouch) (< net45) (>= netstandard1.0) (< win8) (< wp8) (< wpa81) (< xamarinios) (< xamarinmac) (< xamarintvos) (< xamarinwatchos)
      System.Runtime (>= 4.3) - restriction: && (< monoandroid) (< monotouch) (< net45) (>= netstandard1.0) (< win8) (< wp8) (< wpa81) (< xamarinios) (< xamarinmac) (< xamarintvos) (< xamarinwatchos)
    System.Reflection.Metadata (5.0) - restriction: >= netstandard2.0
      System.Collections.Immutable (>= 5.0) - restriction: || (&& (>= net45) (< netstandard2.0)) (&& (< net45) (< net5.0) (>= netstandard2.0)) (&& (< net45) (>= netstandard1.1) (< netstandard2.0) (< win8) (< wpa81)) (>= net461) (&& (< netstandard1.1) (>= portable-net45+win8+wpa81) (< win8)) (&& (< netstandard1.1) (>= win8)) (&& (< netstandard2.0) (>= wpa81))
    System.Reflection.Primitives (4.3) - restriction: || (&& (< monoandroid) (< net45) (< netstandard1.2) (>= netstandard2.0) (< win8)) (&& (< monoandroid) (< net45) (< netstandard1.3) (>= netstandard2.0) (< win8) (< wpa81)) (&& (< monoandroid) (< net45) (< netstandard1.5) (>= netstandard2.0) (< win8) (< wpa81)) (&& (< monoandroid) (>= netcoreapp3.1) (< xamarinios) (< xamarinmac) (< xamarintvos) (< xamarinwatchos)) (&& (< net45) (>= netstandard2.0) (< xamarinios) (< xamarinmac) (< xamarintvos) (< xamarinwatchos)) (&& (>= netcoreapp1.1) (>= netstandard2.0) (< xamarinios) (< xamarinmac) (< xamarintvos) (< xamarinwatchos))
      Microsoft.NETCore.Platforms (>= 1.1) - restriction: && (< monoandroid) (< monotouch) (< net45) (>= netstandard1.0) (< win8) (< wp8) (< wpa81) (< xamarinios) (< xamarinmac) (< xamarintvos) (< xamarinwatchos)
      Microsoft.NETCore.Targets (>= 1.1) - restriction: && (< monoandroid) (< monotouch) (< net45) (>= netstandard1.0) (< win8) (< wp8) (< wpa81) (< xamarinios) (< xamarinmac) (< xamarintvos) (< xamarinwatchos)
      System.Runtime (>= 4.3) - restriction: && (< monoandroid) (< monotouch) (< net45) (>= netstandard1.0) (< win8) (< wp8) (< wpa81) (< xamarinios) (< xamarinmac) (< xamarintvos) (< xamarinwatchos)
    System.Reflection.TypeExtensions (4.7) - restriction: || (&& (< monoandroid) (>= netcoreapp3.1) (< xamarinios) (< xamarinmac) (< xamarintvos) (< xamarinwatchos)) (>= netstandard2.0)
    System.Resources.Extensions (5.0) - restriction: >= netstandard2.0
      System.Memory (>= 4.5.4) - restriction: || (>= net461) (&& (< netcoreapp2.1) (>= netstandard2.0) (< xamarinios) (< xamarinmac) (< xamarintvos) (< xamarinwatchos))
    System.Resources.ResourceManager (4.3) - restriction: || (&& (< monoandroid) (< net45) (>= netstandard2.0) (< win8) (< wpa81) (< xamarinios) (< xamarinmac) (< xamarintvos) (< xamarinwatchos)) (&& (< monoandroid) (>= netcoreapp3.1) (< xamarinios) (< xamarinmac) (< xamarintvos) (< xamarinwatchos)) (&& (< net46) (>= netstandard2.0) (< xamarinios) (< xamarinmac) (< xamarintvos) (< xamarinwatchos))
      Microsoft.NETCore.Platforms (>= 1.1) - restriction: && (< monoandroid) (< monotouch) (< net45) (>= netstandard1.0) (< win8) (< wp8) (< wpa81) (< xamarinios) (< xamarinmac) (< xamarintvos) (< xamarinwatchos)
      Microsoft.NETCore.Targets (>= 1.1) - restriction: && (< monoandroid) (< monotouch) (< net45) (>= netstandard1.0) (< win8) (< wp8) (< wpa81) (< xamarinios) (< xamarinmac) (< xamarintvos) (< xamarinwatchos)
      System.Globalization (>= 4.3) - restriction: && (< monoandroid) (< monotouch) (< net45) (>= netstandard1.0) (< win8) (< wp8) (< wpa81) (< xamarinios) (< xamarinmac) (< xamarintvos) (< xamarinwatchos)
      System.Reflection (>= 4.3) - restriction: && (< monoandroid) (< monotouch) (< net45) (>= netstandard1.0) (< win8) (< wp8) (< wpa81) (< xamarinios) (< xamarinmac) (< xamarintvos) (< xamarinwatchos)
      System.Runtime (>= 4.3) - restriction: && (< monoandroid) (< monotouch) (< net45) (>= netstandard1.0) (< win8) (< wp8) (< wpa81) (< xamarinios) (< xamarinmac) (< xamarintvos) (< xamarinwatchos)
    System.Runtime (4.3.1) - restriction: || (&& (< monoandroid) (>= netcoreapp3.1) (< netstandard1.1)) (&& (< monoandroid) (>= netcoreapp3.1) (< netstandard1.3)) (&& (< monoandroid) (>= netcoreapp3.1) (< xamarinios) (< xamarinmac) (< xamarintvos) (< xamarinwatchos)) (>= netstandard2.0)
      Microsoft.NETCore.Platforms (>= 1.1.1) - restriction: || (&& (< monoandroid) (< net45) (>= netstandard1.0) (< netstandard1.2) (< win8) (< wp8)) (&& (< monoandroid) (< net45) (>= netstandard1.2) (< netstandard1.3) (< win8) (< wpa81)) (&& (< monoandroid) (< net45) (>= netstandard1.3) (< netstandard1.5) (< win8) (< wpa81)) (&& (< monotouch) (< net45) (>= netstandard1.5) (< win8) (< wpa81) (< xamarinios) (< xamarinmac) (< xamarintvos) (< xamarinwatchos))
      Microsoft.NETCore.Targets (>= 1.1.3) - restriction: || (&& (< monoandroid) (< net45) (>= netstandard1.0) (< netstandard1.2) (< win8) (< wp8)) (&& (< monoandroid) (< net45) (>= netstandard1.2) (< netstandard1.3) (< win8) (< wpa81)) (&& (< monoandroid) (< net45) (>= netstandard1.3) (< netstandard1.5) (< win8) (< wpa81)) (&& (< monotouch) (< net45) (>= netstandard1.5) (< win8) (< wpa81) (< xamarinios) (< xamarinmac) (< xamarintvos) (< xamarinwatchos))
    System.Runtime.Caching (5.0) - restriction: >= netcoreapp3.1
      System.Configuration.ConfigurationManager (>= 5.0) - restriction: && (< net45) (>= netstandard2.0) (< xamarinios) (< xamarinmac) (< xamarintvos) (< xamarinwatchos)
    System.Runtime.CompilerServices.Unsafe (5.0) - restriction: || (&& (< monoandroid) (< net5.0) (>= netcoreapp3.1) (< xamarinios) (< xamarinmac) (< xamarintvos) (< xamarinwatchos)) (&& (< monoandroid) (>= netcoreapp2.0) (< netcoreapp2.1)) (&& (>= net461) (>= netcoreapp3.1)) (&& (< netcoreapp2.0) (>= netcoreapp3.1) (< xamarinios) (< xamarinmac) (< xamarintvos) (< xamarinwatchos)) (>= netstandard2.0)
    System.Runtime.Extensions (4.3.1) - restriction: || (&& (< monoandroid) (< net45) (>= netstandard2.0) (< win8) (< wpa81) (< xamarinios) (< xamarinmac) (< xamarintvos) (< xamarinwatchos)) (&& (< monoandroid) (>= netcoreapp3.1) (< xamarinios) (< xamarinmac) (< xamarintvos) (< xamarinwatchos)) (&& (< net46) (>= netstandard2.0) (< xamarinios) (< xamarinmac) (< xamarintvos) (< xamarinwatchos))
      Microsoft.NETCore.Platforms (>= 1.1.1) - restriction: || (&& (< monoandroid) (< net45) (>= netstandard1.0) (< netstandard1.3) (< win8) (< wp8) (< wpa81)) (&& (< monoandroid) (< net45) (>= netstandard1.3) (< netstandard1.5) (< win8) (< wpa81)) (&& (< monotouch) (< net45) (>= netstandard1.5) (< win8) (< wpa81) (< xamarinios) (< xamarinmac) (< xamarintvos) (< xamarinwatchos))
      Microsoft.NETCore.Targets (>= 1.1.3) - restriction: || (&& (< monoandroid) (< net45) (>= netstandard1.0) (< netstandard1.3) (< win8) (< wp8) (< wpa81)) (&& (< monoandroid) (< net45) (>= netstandard1.3) (< netstandard1.5) (< win8) (< wpa81)) (&& (< monotouch) (< net45) (>= netstandard1.5) (< win8) (< wpa81) (< xamarinios) (< xamarinmac) (< xamarintvos) (< xamarinwatchos))
      System.Runtime (>= 4.3.1) - restriction: || (&& (< monoandroid) (< net45) (>= netstandard1.0) (< netstandard1.3) (< win8) (< wp8) (< wpa81)) (&& (< monoandroid) (< net45) (>= netstandard1.3) (< netstandard1.5) (< win8) (< wpa81)) (&& (< monotouch) (< net45) (>= netstandard1.5) (< win8) (< wpa81) (< xamarinios) (< xamarinmac) (< xamarintvos) (< xamarinwatchos))
    System.Runtime.Handles (4.3) - restriction: || (&& (< monoandroid) (< net45) (< netstandard1.5) (>= netstandard2.0) (< win8) (< wpa81)) (&& (< monoandroid) (< net45) (< netstandard1.6) (>= netstandard2.0) (< win8) (< wpa81)) (&& (< monoandroid) (< net45) (>= netstandard2.0) (< win8) (< wpa81) (< xamarinios) (< xamarinmac) (< xamarintvos) (< xamarinwatchos)) (&& (< monoandroid) (< net46) (< netstandard1.4) (>= netstandard2.0)) (&& (< monoandroid) (>= netcoreapp3.1) (< xamarinios) (< xamarinmac) (< xamarintvos) (< xamarinwatchos)) (&& (< net45) (< netcoreapp1.1) (>= netstandard2.0) (< win8) (< wpa81) (< xamarinios) (< xamarinmac) (< xamarintvos) (< xamarinwatchos)) (&& (< net46) (>= netstandard2.0) (< xamarinios) (< xamarinmac) (< xamarintvos) (< xamarinwatchos)) (&& (>= netcoreapp1.1) (>= netstandard2.0) (< xamarinios) (< xamarinmac) (< xamarintvos) (< xamarinwatchos))
      Microsoft.NETCore.Platforms (>= 1.1) - restriction: && (< monoandroid) (< monotouch) (< net46) (>= netstandard1.3) (< xamarinios) (< xamarinmac) (< xamarintvos) (< xamarinwatchos)
      Microsoft.NETCore.Targets (>= 1.1) - restriction: && (< monoandroid) (< monotouch) (< net46) (>= netstandard1.3) (< xamarinios) (< xamarinmac) (< xamarintvos) (< xamarinwatchos)
      System.Runtime (>= 4.3) - restriction: && (< monoandroid) (< monotouch) (< net46) (>= netstandard1.3) (< xamarinios) (< xamarinmac) (< xamarintvos) (< xamarinwatchos)
    System.Runtime.InteropServices (4.3) - restriction: >= netstandard2.0
      Microsoft.NETCore.Platforms (>= 1.1) - restriction: || (&& (< monoandroid) (< net45) (>= netstandard1.1) (< netstandard1.2) (< win8)) (&& (< monoandroid) (< net45) (>= netstandard1.2) (< netstandard1.3) (< win8) (< wpa81)) (&& (< monoandroid) (< net45) (>= netstandard1.3) (< netstandard1.5) (< win8) (< wpa81)) (&& (< monotouch) (< net45) (< netcoreapp1.1) (>= netstandard1.5) (< win8) (< wpa81) (< xamarinios) (< xamarinmac) (< xamarintvos) (< xamarinwatchos)) (&& (>= netcoreapp1.1) (< xamarinios) (< xamarinmac) (< xamarintvos) (< xamarinwatchos))
      Microsoft.NETCore.Targets (>= 1.1) - restriction: || (&& (< monoandroid) (< net45) (>= netstandard1.1) (< netstandard1.2) (< win8)) (&& (< monoandroid) (< net45) (>= netstandard1.2) (< netstandard1.3) (< win8) (< wpa81)) (&& (< monoandroid) (< net45) (>= netstandard1.3) (< netstandard1.5) (< win8) (< wpa81)) (&& (< monotouch) (< net45) (< netcoreapp1.1) (>= netstandard1.5) (< win8) (< wpa81) (< xamarinios) (< xamarinmac) (< xamarintvos) (< xamarinwatchos)) (&& (>= netcoreapp1.1) (< xamarinios) (< xamarinmac) (< xamarintvos) (< xamarinwatchos))
      System.Reflection (>= 4.3) - restriction: || (&& (< monoandroid) (< net45) (>= netstandard1.1) (< netstandard1.2) (< win8)) (&& (< monoandroid) (< net45) (>= netstandard1.2) (< netstandard1.3) (< win8) (< wpa81)) (&& (< monoandroid) (< net45) (>= netstandard1.3) (< netstandard1.5) (< win8) (< wpa81)) (&& (< monotouch) (< net45) (< netcoreapp1.1) (>= netstandard1.5) (< win8) (< wpa81) (< xamarinios) (< xamarinmac) (< xamarintvos) (< xamarinwatchos)) (&& (>= netcoreapp1.1) (< xamarinios) (< xamarinmac) (< xamarintvos) (< xamarinwatchos))
      System.Reflection.Primitives (>= 4.3) - restriction: || (&& (< monoandroid) (< net45) (>= netstandard1.1) (< netstandard1.2) (< win8)) (&& (< monoandroid) (< net45) (>= netstandard1.2) (< netstandard1.3) (< win8) (< wpa81)) (&& (< monoandroid) (< net45) (>= netstandard1.3) (< netstandard1.5) (< win8) (< wpa81)) (&& (< monotouch) (< net45) (< netcoreapp1.1) (>= netstandard1.5) (< win8) (< wpa81) (< xamarinios) (< xamarinmac) (< xamarintvos) (< xamarinwatchos)) (&& (>= netcoreapp1.1) (< xamarinios) (< xamarinmac) (< xamarintvos) (< xamarinwatchos))
      System.Runtime (>= 4.3) - restriction: || (&& (< monoandroid) (< net45) (>= netstandard1.1) (< netstandard1.2) (< win8)) (&& (< monoandroid) (< net45) (>= netstandard1.2) (< netstandard1.3) (< win8) (< wpa81)) (&& (< monoandroid) (< net45) (>= netstandard1.3) (< netstandard1.5) (< win8) (< wpa81)) (&& (< monotouch) (< net45) (< netcoreapp1.1) (>= netstandard1.5) (< win8) (< wpa81) (< xamarinios) (< xamarinmac) (< xamarintvos) (< xamarinwatchos)) (>= net462) (&& (>= netcoreapp1.1) (< xamarinios) (< xamarinmac) (< xamarintvos) (< xamarinwatchos))
      System.Runtime.Handles (>= 4.3) - restriction: || (&& (< monoandroid) (< net45) (>= netstandard1.3) (< netstandard1.5) (< win8) (< wpa81)) (&& (< monotouch) (< net45) (< netcoreapp1.1) (>= netstandard1.5) (< win8) (< wpa81) (< xamarinios) (< xamarinmac) (< xamarintvos) (< xamarinwatchos)) (&& (>= netcoreapp1.1) (< xamarinios) (< xamarinmac) (< xamarintvos) (< xamarinwatchos))
    System.Runtime.Loader (4.3) - restriction: >= netstandard2.0
      System.IO (>= 4.3) - restriction: && (< monotouch) (< net462) (>= netstandard1.5) (< xamarinios) (< xamarinmac) (< xamarintvos) (< xamarinwatchos)
      System.Reflection (>= 4.3) - restriction: && (< monotouch) (< net462) (>= netstandard1.5) (< xamarinios) (< xamarinmac) (< xamarintvos) (< xamarinwatchos)
      System.Runtime (>= 4.3) - restriction: && (< monotouch) (< net462) (>= netstandard1.5) (< xamarinios) (< xamarinmac) (< xamarintvos) (< xamarinwatchos)
    System.Runtime.Numerics (4.3) - restriction: && (< net46) (>= netstandard2.0) (< xamarinios) (< xamarinmac) (< xamarintvos) (< xamarinwatchos)
      System.Globalization (>= 4.3) - restriction: && (< monoandroid) (< monotouch) (< net45) (>= netstandard1.3) (< win8) (< wpa81) (< xamarinios) (< xamarinmac) (< xamarintvos) (< xamarinwatchos)
      System.Resources.ResourceManager (>= 4.3) - restriction: && (< monoandroid) (< monotouch) (< net45) (>= netstandard1.3) (< win8) (< wpa81) (< xamarinios) (< xamarinmac) (< xamarintvos) (< xamarinwatchos)
      System.Runtime (>= 4.3) - restriction: || (&& (< monoandroid) (< monotouch) (< net45) (>= netstandard1.3) (< win8) (< wpa81) (< xamarinios) (< xamarinmac) (< xamarintvos) (< xamarinwatchos)) (&& (< monoandroid) (< net45) (>= netstandard1.1) (< netstandard1.3) (< win8) (< wpa81))
      System.Runtime.Extensions (>= 4.3) - restriction: && (< monoandroid) (< monotouch) (< net45) (>= netstandard1.3) (< win8) (< wpa81) (< xamarinios) (< xamarinmac) (< xamarintvos) (< xamarinwatchos)
    System.Runtime.Serialization.Formatters (4.3) - restriction: || (&& (< monoandroid9.0) (< netcoreapp2.1) (>= netcoreapp3.1) (< xamarinmac)) (&& (>= netcoreapp3.1) (>= uap10.0)) (&& (>= netcoreapp3.1) (>= xamarinios))
    System.Runtime.Serialization.Primitives (4.3) - restriction: || (&& (< monoandroid9.0) (< netcoreapp2.1) (>= netcoreapp3.1) (< xamarinmac)) (&& (>= netcoreapp3.1) (>= uap10.0)) (&& (>= netcoreapp3.1) (>= xamarinios))
    System.Security.AccessControl (5.0) - restriction: || (&& (< net472) (>= netstandard2.0)) (>= netcoreapp3.1)
      Microsoft.NETCore.Platforms (>= 5.0) - restriction: >= netcoreapp2.0
      System.Security.Principal.Windows (>= 5.0) - restriction: || (&& (>= net46) (< netstandard2.0)) (&& (< net46) (>= netstandard1.3) (< netstandard2.0) (< uap10.1)) (&& (< net46) (>= netstandard2.0)) (>= net461) (>= netcoreapp2.0)
    System.Security.Claims (4.3) - restriction: >= netstandard2.0
      System.Collections (>= 4.3) - restriction: && (< monoandroid) (< monotouch) (< net46) (>= netstandard1.3) (< xamarinios) (< xamarinmac) (< xamarintvos) (< xamarinwatchos)
      System.Globalization (>= 4.3) - restriction: && (< monoandroid) (< monotouch) (< net46) (>= netstandard1.3) (< xamarinios) (< xamarinmac) (< xamarintvos) (< xamarinwatchos)
      System.IO (>= 4.3) - restriction: && (< monoandroid) (< monotouch) (< net46) (>= netstandard1.3) (< xamarinios) (< xamarinmac) (< xamarintvos) (< xamarinwatchos)
      System.Resources.ResourceManager (>= 4.3) - restriction: && (< monoandroid) (< monotouch) (< net46) (>= netstandard1.3) (< xamarinios) (< xamarinmac) (< xamarintvos) (< xamarinwatchos)
      System.Runtime (>= 4.3) - restriction: && (< monoandroid) (< monotouch) (< net46) (>= netstandard1.3) (< xamarinios) (< xamarinmac) (< xamarintvos) (< xamarinwatchos)
      System.Runtime.Extensions (>= 4.3) - restriction: && (< monoandroid) (< monotouch) (< net46) (>= netstandard1.3) (< xamarinios) (< xamarinmac) (< xamarintvos) (< xamarinwatchos)
      System.Security.Principal (>= 4.3) - restriction: && (< monoandroid) (< monotouch) (< net46) (>= netstandard1.3) (< xamarinios) (< xamarinmac) (< xamarintvos) (< xamarinwatchos)
    System.Security.Cryptography.Algorithms (4.3.1) - restriction: >= netstandard2.0
      Microsoft.NETCore.Platforms (>= 1.1) - restriction: && (< monotouch) (< net46) (>= netstandard1.6) (< xamarinios) (< xamarinmac) (< xamarintvos) (< xamarinwatchos)
      runtime.native.System.Security.Cryptography.Apple (>= 4.3.1) - restriction: && (< monotouch) (< net46) (>= netstandard1.6) (< xamarinios) (< xamarinmac) (< xamarintvos) (< xamarinwatchos)
      runtime.native.System.Security.Cryptography.OpenSsl (>= 4.3.2) - restriction: && (< monotouch) (< net46) (>= netstandard1.6) (< xamarinios) (< xamarinmac) (< xamarintvos) (< xamarinwatchos)
      System.Collections (>= 4.3) - restriction: && (< monotouch) (< net46) (>= netstandard1.6) (< xamarinios) (< xamarinmac) (< xamarintvos) (< xamarinwatchos)
      System.IO (>= 4.3) - restriction: || (&& (< monoandroid) (< net46) (>= netstandard1.3) (< netstandard1.4)) (&& (< monoandroid) (< net46) (>= netstandard1.4) (< netstandard1.6)) (&& (< monotouch) (< net46) (>= netstandard1.6) (< xamarinios) (< xamarinmac) (< xamarintvos) (< xamarinwatchos)) (>= net463)
      System.Resources.ResourceManager (>= 4.3) - restriction: && (< monotouch) (< net46) (>= netstandard1.6) (< xamarinios) (< xamarinmac) (< xamarintvos) (< xamarinwatchos)
      System.Runtime (>= 4.3) - restriction: || (&& (< monoandroid) (< net46) (>= netstandard1.3) (< netstandard1.4)) (&& (< monoandroid) (< net46) (>= netstandard1.4) (< netstandard1.6)) (&& (< monotouch) (< net46) (>= netstandard1.6) (< xamarinios) (< xamarinmac) (< xamarintvos) (< xamarinwatchos)) (>= net463)
      System.Runtime.Extensions (>= 4.3) - restriction: && (< monotouch) (< net46) (>= netstandard1.6) (< xamarinios) (< xamarinmac) (< xamarintvos) (< xamarinwatchos)
      System.Runtime.Handles (>= 4.3) - restriction: && (< monotouch) (< net46) (>= netstandard1.6) (< xamarinios) (< xamarinmac) (< xamarintvos) (< xamarinwatchos)
      System.Runtime.InteropServices (>= 4.3) - restriction: && (< monotouch) (< net46) (>= netstandard1.6) (< xamarinios) (< xamarinmac) (< xamarintvos) (< xamarinwatchos)
      System.Runtime.Numerics (>= 4.3) - restriction: && (< monotouch) (< net46) (>= netstandard1.6) (< xamarinios) (< xamarinmac) (< xamarintvos) (< xamarinwatchos)
      System.Security.Cryptography.Encoding (>= 4.3) - restriction: || (&& (< monotouch) (< net46) (>= netstandard1.6) (< xamarinios) (< xamarinmac) (< xamarintvos) (< xamarinwatchos)) (>= net463)
      System.Security.Cryptography.Primitives (>= 4.3) - restriction: || (&& (< monoandroid) (< net46) (>= netstandard1.3) (< netstandard1.4)) (&& (< monoandroid) (< net46) (>= netstandard1.4) (< netstandard1.6)) (&& (< monotouch) (< net46) (>= netstandard1.6) (< xamarinios) (< xamarinmac) (< xamarintvos) (< xamarinwatchos)) (&& (>= net46) (< netstandard1.4)) (&& (>= net461) (< netstandard1.6)) (>= net463)
      System.Text.Encoding (>= 4.3) - restriction: && (< monotouch) (< net46) (>= netstandard1.6) (< xamarinios) (< xamarinmac) (< xamarintvos) (< xamarinwatchos)
    System.Security.Cryptography.Cng (5.0) - restriction: || (&& (< monoandroid) (< net46) (< netcoreapp2.0) (>= netstandard2.0) (< netstandard2.1) (< xamarintvos) (< xamarinwatchos)) (&& (< monoandroid) (< net46) (< netstandard1.6) (>= netstandard2.0)) (&& (< monoandroid) (>= netcoreapp2.0) (< netcoreapp2.1) (< netstandard2.1) (< xamarintvos) (< xamarinwatchos)) (&& (< monoandroid) (>= netcoreapp2.1) (< netstandard2.1) (< xamarintvos) (< xamarinwatchos)) (&& (< net46) (>= netstandard2.0) (< xamarinios) (< xamarinmac) (< xamarintvos) (< xamarinwatchos)) (&& (< netcoreapp2.0) (>= netstandard2.1) (< xamarinios) (< xamarinmac) (< xamarintvos) (< xamarinwatchos)) (&& (>= netcoreapp3.0) (< xamarinios) (< xamarinmac) (< xamarintvos) (< xamarinwatchos)) (>= netcoreapp3.1)
      Microsoft.NETCore.Platforms (>= 5.0) - restriction: && (< monoandroid) (>= netcoreapp2.0) (< netcoreapp2.1) (< netstandard2.1) (< xamarintvos) (< xamarinwatchos)
      System.Formats.Asn1 (>= 5.0) - restriction: && (>= netcoreapp3.0) (< xamarinios) (< xamarinmac) (< xamarintvos) (< xamarinwatchos)
    System.Security.Cryptography.Csp (4.3) - restriction: || (&& (< monoandroid) (< net46) (< netstandard1.6) (>= netstandard2.0)) (&& (< net46) (>= netstandard2.0) (< xamarinios) (< xamarinmac) (< xamarintvos) (< xamarinwatchos))
      Microsoft.NETCore.Platforms (>= 1.1) - restriction: && (< monoandroid) (< monotouch) (< net46) (>= netstandard1.3) (< xamarinios) (< xamarinmac) (< xamarintvos) (< xamarinwatchos)
      System.IO (>= 4.3) - restriction: && (< monoandroid) (< monotouch) (< net46) (>= netstandard1.3) (< xamarinios) (< xamarinmac) (< xamarintvos) (< xamarinwatchos)
      System.Reflection (>= 4.3) - restriction: && (< monoandroid) (< monotouch) (< net46) (>= netstandard1.3) (< xamarinios) (< xamarinmac) (< xamarintvos) (< xamarinwatchos)
      System.Resources.ResourceManager (>= 4.3) - restriction: && (< monoandroid) (< monotouch) (< net46) (>= netstandard1.3) (< xamarinios) (< xamarinmac) (< xamarintvos) (< xamarinwatchos)
      System.Runtime (>= 4.3) - restriction: && (< monoandroid) (< monotouch) (< net46) (>= netstandard1.3) (< xamarinios) (< xamarinmac) (< xamarintvos) (< xamarinwatchos)
      System.Runtime.Extensions (>= 4.3) - restriction: && (< monoandroid) (< monotouch) (< net46) (>= netstandard1.3) (< xamarinios) (< xamarinmac) (< xamarintvos) (< xamarinwatchos)
      System.Runtime.Handles (>= 4.3) - restriction: && (< monoandroid) (< monotouch) (< net46) (>= netstandard1.3) (< xamarinios) (< xamarinmac) (< xamarintvos) (< xamarinwatchos)
      System.Runtime.InteropServices (>= 4.3) - restriction: && (< monoandroid) (< monotouch) (< net46) (>= netstandard1.3) (< xamarinios) (< xamarinmac) (< xamarintvos) (< xamarinwatchos)
      System.Security.Cryptography.Algorithms (>= 4.3) - restriction: || (&& (< monoandroid) (< monotouch) (>= netstandard1.3) (< xamarinios) (< xamarinmac) (< xamarintvos) (< xamarinwatchos)) (>= net46)
      System.Security.Cryptography.Encoding (>= 4.3) - restriction: && (< monoandroid) (< monotouch) (< net46) (>= netstandard1.3) (< xamarinios) (< xamarinmac) (< xamarintvos) (< xamarinwatchos)
      System.Security.Cryptography.Primitives (>= 4.3) - restriction: || (&& (< monoandroid) (< monotouch) (>= netstandard1.3) (< xamarinios) (< xamarinmac) (< xamarintvos) (< xamarinwatchos)) (>= net46)
      System.Text.Encoding (>= 4.3) - restriction: && (< monoandroid) (< monotouch) (< net46) (>= netstandard1.3) (< xamarinios) (< xamarinmac) (< xamarintvos) (< xamarinwatchos)
      System.Threading (>= 4.3) - restriction: && (< monoandroid) (< monotouch) (< net46) (>= netstandard1.3) (< xamarinios) (< xamarinmac) (< xamarintvos) (< xamarinwatchos)
    System.Security.Cryptography.Encoding (4.3) - restriction: || (&& (< monoandroid) (< net45) (< netstandard1.6) (>= netstandard2.0) (< win8) (< wpa81)) (&& (< monoandroid) (< net45) (>= netstandard2.0) (< win8) (< wpa81) (< xamarinios) (< xamarinmac) (< xamarintvos) (< xamarinwatchos)) (&& (< monoandroid) (< net46) (< netstandard1.6) (>= netstandard2.0)) (&& (< net46) (>= netstandard2.0) (< xamarinios) (< xamarinmac) (< xamarintvos) (< xamarinwatchos)) (&& (>= net463) (>= netstandard2.0))
      Microsoft.NETCore.Platforms (>= 1.1) - restriction: && (< monoandroid) (< monotouch) (< net46) (>= netstandard1.3) (< xamarinios) (< xamarinmac) (< xamarintvos) (< xamarinwatchos)
      runtime.native.System.Security.Cryptography.OpenSsl (>= 4.3) - restriction: && (< monoandroid) (< monotouch) (< net46) (>= netstandard1.3) (< xamarinios) (< xamarinmac) (< xamarintvos) (< xamarinwatchos)
      System.Collections (>= 4.3) - restriction: && (< monoandroid) (< monotouch) (< net46) (>= netstandard1.3) (< xamarinios) (< xamarinmac) (< xamarintvos) (< xamarinwatchos)
      System.Collections.Concurrent (>= 4.3) - restriction: && (< monoandroid) (< monotouch) (< net46) (>= netstandard1.3) (< xamarinios) (< xamarinmac) (< xamarintvos) (< xamarinwatchos)
      System.Linq (>= 4.3) - restriction: && (< monoandroid) (< monotouch) (< net46) (>= netstandard1.3) (< xamarinios) (< xamarinmac) (< xamarintvos) (< xamarinwatchos)
      System.Resources.ResourceManager (>= 4.3) - restriction: && (< monoandroid) (< monotouch) (< net46) (>= netstandard1.3) (< xamarinios) (< xamarinmac) (< xamarintvos) (< xamarinwatchos)
      System.Runtime (>= 4.3) - restriction: && (< monoandroid) (< monotouch) (< net46) (>= netstandard1.3) (< xamarinios) (< xamarinmac) (< xamarintvos) (< xamarinwatchos)
      System.Runtime.Extensions (>= 4.3) - restriction: && (< monoandroid) (< monotouch) (< net46) (>= netstandard1.3) (< xamarinios) (< xamarinmac) (< xamarintvos) (< xamarinwatchos)
      System.Runtime.Handles (>= 4.3) - restriction: && (< monoandroid) (< monotouch) (< net46) (>= netstandard1.3) (< xamarinios) (< xamarinmac) (< xamarintvos) (< xamarinwatchos)
      System.Runtime.InteropServices (>= 4.3) - restriction: && (< monoandroid) (< monotouch) (< net46) (>= netstandard1.3) (< xamarinios) (< xamarinmac) (< xamarintvos) (< xamarinwatchos)
      System.Security.Cryptography.Primitives (>= 4.3) - restriction: && (< monoandroid) (< monotouch) (< net46) (>= netstandard1.3) (< xamarinios) (< xamarinmac) (< xamarintvos) (< xamarinwatchos)
      System.Text.Encoding (>= 4.3) - restriction: && (< monoandroid) (< monotouch) (< net46) (>= netstandard1.3) (< xamarinios) (< xamarinmac) (< xamarintvos) (< xamarinwatchos)
    System.Security.Cryptography.OpenSsl (5.0) - restriction: || (&& (< monoandroid) (< net45) (>= netstandard2.0) (< win8) (< wpa81) (< xamarinios) (< xamarinmac) (< xamarintvos) (< xamarinwatchos)) (&& (< net46) (>= netstandard2.0) (< xamarinios) (< xamarinmac) (< xamarintvos) (< xamarinwatchos))
      Microsoft.NETCore.Platforms (>= 5.0) - restriction: && (>= netcoreapp2.0) (< netcoreapp2.1)
      System.Formats.Asn1 (>= 5.0) - restriction: >= netcoreapp3.0
    System.Security.Cryptography.Pkcs (5.0.1) - restriction: || (&& (>= monotouch) (>= netstandard2.0)) (&& (< net461) (>= netstandard2.0)) (&& (< net472) (>= netstandard2.0)) (>= netcoreapp2.1) (&& (>= netstandard2.0) (>= xamarintvos)) (&& (>= netstandard2.0) (>= xamarinwatchos)) (>= xamarinios) (>= xamarinmac)
      System.Buffers (>= 4.5.1) - restriction: && (< monoandroid) (< net46) (< netcoreapp2.0) (>= netstandard2.0) (< netstandard2.1) (< xamarintvos) (< xamarinwatchos)
      System.Formats.Asn1 (>= 5.0) - restriction: || (&& (>= monoandroid) (< netstandard1.3)) (&& (< monoandroid) (< net46) (< netcoreapp2.0) (>= netstandard2.0) (< netstandard2.1)) (&& (< monoandroid) (>= netcoreapp2.0) (< netcoreapp2.1) (< netstandard2.1)) (>= monotouch) (&& (< netcoreapp2.0) (>= netstandard2.1)) (>= netcoreapp3.0) (>= uap10.1) (>= xamarinios) (>= xamarinmac) (>= xamarintvos) (>= xamarinwatchos)
      System.Memory (>= 4.5.4) - restriction: || (&& (< monoandroid) (< net46) (< netcoreapp2.0) (>= netstandard2.0) (< netstandard2.1) (< xamarintvos) (< xamarinwatchos)) (&& (< monoandroid) (>= netcoreapp2.0) (< netcoreapp2.1) (< netstandard2.1) (< xamarintvos) (< xamarinwatchos)) (>= uap10.1)
      System.Security.Cryptography.Cng (>= 5.0) - restriction: || (&& (< monoandroid) (< net46) (< netcoreapp2.0) (>= netstandard2.0) (< netstandard2.1) (< xamarintvos) (< xamarinwatchos)) (&& (< monoandroid) (>= netcoreapp2.0) (< netcoreapp2.1) (< netstandard2.1) (< xamarintvos) (< xamarinwatchos)) (&& (< monoandroid) (>= netcoreapp2.1) (< netstandard2.1) (< xamarintvos) (< xamarinwatchos)) (&& (< netcoreapp2.0) (>= netstandard2.1) (< xamarinios) (< xamarinmac) (< xamarintvos) (< xamarinwatchos)) (&& (>= netcoreapp3.0) (< xamarinios) (< xamarinmac) (< xamarintvos) (< xamarinwatchos))
    System.Security.Cryptography.Primitives (4.3) - restriction: || (&& (< monoandroid) (< net45) (>= netstandard2.0) (< win8) (< wpa81) (< xamarinios) (< xamarinmac) (< xamarintvos) (< xamarinwatchos)) (&& (< monoandroid) (< net46) (< netstandard1.4) (>= netstandard2.0)) (&& (< monoandroid) (< net46) (< netstandard1.6) (>= netstandard2.0)) (&& (>= net46) (< netstandard1.4) (>= netstandard2.0)) (&& (< net46) (>= netstandard2.0) (< xamarinios) (< xamarinmac) (< xamarintvos) (< xamarinwatchos)) (&& (>= net461) (< netstandard1.6) (>= netstandard2.0)) (&& (>= net463) (>= netstandard2.0))
      System.Diagnostics.Debug (>= 4.3) - restriction: && (< monoandroid) (< monotouch) (< net46) (>= netstandard1.3) (< xamarinios) (< xamarinmac) (< xamarintvos) (< xamarinwatchos)
      System.Globalization (>= 4.3) - restriction: && (< monoandroid) (< monotouch) (< net46) (>= netstandard1.3) (< xamarinios) (< xamarinmac) (< xamarintvos) (< xamarinwatchos)
      System.IO (>= 4.3) - restriction: && (< monoandroid) (< monotouch) (< net46) (>= netstandard1.3) (< xamarinios) (< xamarinmac) (< xamarintvos) (< xamarinwatchos)
      System.Resources.ResourceManager (>= 4.3) - restriction: && (< monoandroid) (< monotouch) (< net46) (>= netstandard1.3) (< xamarinios) (< xamarinmac) (< xamarintvos) (< xamarinwatchos)
      System.Runtime (>= 4.3) - restriction: && (< monoandroid) (< monotouch) (< net46) (>= netstandard1.3) (< xamarinios) (< xamarinmac) (< xamarintvos) (< xamarinwatchos)
      System.Threading (>= 4.3) - restriction: && (< monoandroid) (< monotouch) (< net46) (>= netstandard1.3) (< xamarinios) (< xamarinmac) (< xamarintvos) (< xamarinwatchos)
      System.Threading.Tasks (>= 4.3) - restriction: && (< monoandroid) (< monotouch) (< net46) (>= netstandard1.3) (< xamarinios) (< xamarinmac) (< xamarintvos) (< xamarinwatchos)
    System.Security.Cryptography.ProtectedData (5.0) - restriction: >= netcoreapp3.1
    System.Security.Cryptography.X509Certificates (4.3.2) - restriction: || (&& (< monoandroid) (< netstandard1.6) (>= netstandard2.0)) (&& (>= net46) (>= netstandard2.0)) (&& (>= netstandard2.0) (< xamarinios) (< xamarinmac) (< xamarintvos) (< xamarinwatchos))
      Microsoft.NETCore.Platforms (>= 1.1) - restriction: && (< monotouch) (< net46) (>= netstandard1.6) (< xamarinios) (< xamarinmac) (< xamarintvos) (< xamarinwatchos)
      runtime.native.System (>= 4.3) - restriction: && (< monotouch) (< net46) (>= netstandard1.6) (< xamarinios) (< xamarinmac) (< xamarintvos) (< xamarinwatchos)
      runtime.native.System.Net.Http (>= 4.3) - restriction: && (< monotouch) (< net46) (>= netstandard1.6) (< xamarinios) (< xamarinmac) (< xamarintvos) (< xamarinwatchos)
      runtime.native.System.Security.Cryptography.OpenSsl (>= 4.3.2) - restriction: && (< monotouch) (< net46) (>= netstandard1.6) (< xamarinios) (< xamarinmac) (< xamarintvos) (< xamarinwatchos)
      System.Collections (>= 4.3) - restriction: && (< monotouch) (< net46) (>= netstandard1.6) (< xamarinios) (< xamarinmac) (< xamarintvos) (< xamarinwatchos)
      System.Diagnostics.Debug (>= 4.3) - restriction: && (< monotouch) (< net46) (>= netstandard1.6) (< xamarinios) (< xamarinmac) (< xamarintvos) (< xamarinwatchos)
      System.Globalization (>= 4.3) - restriction: && (< monotouch) (< net46) (>= netstandard1.6) (< xamarinios) (< xamarinmac) (< xamarintvos) (< xamarinwatchos)
      System.Globalization.Calendars (>= 4.3) - restriction: && (< monotouch) (< net46) (>= netstandard1.6) (< xamarinios) (< xamarinmac) (< xamarintvos) (< xamarinwatchos)
      System.IO (>= 4.3) - restriction: && (< monotouch) (< net46) (>= netstandard1.6) (< xamarinios) (< xamarinmac) (< xamarintvos) (< xamarinwatchos)
      System.IO.FileSystem (>= 4.3) - restriction: && (< monotouch) (< net46) (>= netstandard1.6) (< xamarinios) (< xamarinmac) (< xamarintvos) (< xamarinwatchos)
      System.IO.FileSystem.Primitives (>= 4.3) - restriction: && (< monotouch) (< net46) (>= netstandard1.6) (< xamarinios) (< xamarinmac) (< xamarintvos) (< xamarinwatchos)
      System.Resources.ResourceManager (>= 4.3) - restriction: && (< monotouch) (< net46) (>= netstandard1.6) (< xamarinios) (< xamarinmac) (< xamarintvos) (< xamarinwatchos)
      System.Runtime (>= 4.3) - restriction: || (&& (< monoandroid) (< net46) (>= netstandard1.3) (< netstandard1.4)) (&& (< monoandroid) (< net46) (>= netstandard1.4) (< netstandard1.6)) (&& (< monotouch) (< net46) (>= netstandard1.6) (< xamarinios) (< xamarinmac) (< xamarintvos) (< xamarinwatchos))
      System.Runtime.Extensions (>= 4.3) - restriction: && (< monotouch) (< net46) (>= netstandard1.6) (< xamarinios) (< xamarinmac) (< xamarintvos) (< xamarinwatchos)
      System.Runtime.Handles (>= 4.3) - restriction: || (&& (< monoandroid) (< net46) (>= netstandard1.3) (< netstandard1.4)) (&& (< monoandroid) (< net46) (>= netstandard1.4) (< netstandard1.6)) (&& (< monotouch) (< net46) (>= netstandard1.6) (< xamarinios) (< xamarinmac) (< xamarintvos) (< xamarinwatchos))
      System.Runtime.InteropServices (>= 4.3) - restriction: && (< monotouch) (< net46) (>= netstandard1.6) (< xamarinios) (< xamarinmac) (< xamarintvos) (< xamarinwatchos)
      System.Runtime.Numerics (>= 4.3) - restriction: && (< monotouch) (< net46) (>= netstandard1.6) (< xamarinios) (< xamarinmac) (< xamarintvos) (< xamarinwatchos)
      System.Security.Cryptography.Algorithms (>= 4.3) - restriction: || (&& (< monoandroid) (< net46) (>= netstandard1.3) (< netstandard1.4)) (&& (< monoandroid) (< net46) (>= netstandard1.4) (< netstandard1.6)) (&& (< monotouch) (< net46) (>= netstandard1.6) (< xamarinios) (< xamarinmac) (< xamarintvos) (< xamarinwatchos)) (&& (>= net46) (< netstandard1.4)) (>= net461)
      System.Security.Cryptography.Cng (>= 4.3) - restriction: && (< monotouch) (< net46) (>= netstandard1.6) (< xamarinios) (< xamarinmac) (< xamarintvos) (< xamarinwatchos)
      System.Security.Cryptography.Csp (>= 4.3) - restriction: && (< monotouch) (< net46) (>= netstandard1.6) (< xamarinios) (< xamarinmac) (< xamarintvos) (< xamarinwatchos)
      System.Security.Cryptography.Encoding (>= 4.3) - restriction: || (&& (< monoandroid) (< net46) (>= netstandard1.3) (< netstandard1.4)) (&& (< monoandroid) (< net46) (>= netstandard1.4) (< netstandard1.6)) (&& (< monotouch) (< net46) (>= netstandard1.6) (< xamarinios) (< xamarinmac) (< xamarintvos) (< xamarinwatchos)) (&& (>= net46) (< netstandard1.4)) (>= net461)
      System.Security.Cryptography.OpenSsl (>= 4.3) - restriction: && (< monotouch) (< net46) (>= netstandard1.6) (< xamarinios) (< xamarinmac) (< xamarintvos) (< xamarinwatchos)
      System.Security.Cryptography.Primitives (>= 4.3) - restriction: && (< monotouch) (< net46) (>= netstandard1.6) (< xamarinios) (< xamarinmac) (< xamarintvos) (< xamarinwatchos)
      System.Text.Encoding (>= 4.3) - restriction: && (< monotouch) (< net46) (>= netstandard1.6) (< xamarinios) (< xamarinmac) (< xamarintvos) (< xamarinwatchos)
      System.Threading (>= 4.3) - restriction: && (< monotouch) (< net46) (>= netstandard1.6) (< xamarinios) (< xamarinmac) (< xamarintvos) (< xamarinwatchos)
    System.Security.Cryptography.Xml (5.0) - restriction: && (< net472) (>= netstandard2.0)
      System.Memory (>= 4.5.4) - restriction: && (< net461) (< netcoreapp2.1) (>= netstandard2.0) (< xamarinios) (< xamarinmac) (< xamarintvos) (< xamarinwatchos)
      System.Security.Cryptography.Pkcs (>= 5.0) - restriction: || (&& (>= monoandroid) (< netstandard2.0)) (>= monotouch) (&& (< net461) (>= netstandard2.0)) (>= netcoreapp2.1) (>= xamarinios) (>= xamarinmac) (>= xamarintvos) (>= xamarinwatchos)
      System.Security.Permissions (>= 5.0) - restriction: || (>= monoandroid) (>= monotouch) (>= net461) (>= netstandard2.0) (>= xamarintvos) (>= xamarinwatchos)
    System.Security.Permissions (5.0) - restriction: || (&& (>= monoandroid) (>= netstandard2.0)) (&& (>= monotouch) (>= netstandard2.0)) (&& (< net472) (>= netstandard2.0)) (>= netcoreapp3.1) (&& (>= netstandard2.0) (>= xamarintvos)) (&& (>= netstandard2.0) (>= xamarinwatchos))
      System.Security.AccessControl (>= 5.0) - restriction: || (>= net461) (>= netstandard2.0)
      System.Windows.Extensions (>= 5.0) - restriction: >= netcoreapp3.0
    System.Security.Principal (4.3) - restriction: >= netstandard2.0
      System.Runtime (>= 4.3) - restriction: && (< monoandroid) (< monotouch) (< net45) (>= netstandard1.0) (< win8) (< wp8) (< wpa81) (< xamarinios) (< xamarinmac) (< xamarintvos) (< xamarinwatchos)
    System.Security.Principal.Windows (5.0) - restriction: >= netcoreapp3.1
    System.Security.SecureString (4.3) - restriction: || (&& (>= monoandroid10.0) (>= netcoreapp3.1)) (&& (>= monoandroid9.0) (< netcoreapp2.1) (>= netcoreapp3.1)) (&& (< monoandroid9.0) (< netcoreapp2.1) (>= netcoreapp3.1) (< xamarinmac)) (&& (>= netcoreapp3.1) (>= uap10.0)) (&& (>= netcoreapp3.1) (>= xamarinios))
    System.Text.Encoding (4.3) - restriction: || (&& (< monoandroid) (< net45) (< netstandard1.3) (>= netstandard2.0) (< win8) (< wpa81)) (&& (< monoandroid) (< net45) (< netstandard1.4) (>= netstandard2.0) (< win8) (< wpa81)) (&& (< monoandroid) (< net45) (< netstandard1.5) (>= netstandard2.0) (< win8) (< wpa81)) (&& (< monoandroid) (< net46) (< netstandard1.4) (>= netstandard2.0)) (&& (< monoandroid) (< net46) (< netstandard1.6) (>= netstandard2.0)) (&& (< monoandroid) (>= netcoreapp3.1) (< xamarinios) (< xamarinmac) (< xamarintvos) (< xamarinwatchos)) (&& (< net45) (>= netstandard2.0) (< win8) (< wpa81) (< xamarinios) (< xamarinmac) (< xamarintvos) (< xamarinwatchos)) (&& (< net46) (>= netstandard2.0) (< xamarinios) (< xamarinmac) (< xamarintvos) (< xamarinwatchos))
      Microsoft.NETCore.Platforms (>= 1.1) - restriction: || (&& (< monoandroid) (< monotouch) (< net45) (>= netstandard1.3) (< win8) (< wpa81) (< xamarinios) (< xamarinmac) (< xamarintvos) (< xamarinwatchos)) (&& (< monoandroid) (< net45) (>= netstandard1.0) (< netstandard1.3) (< win8) (< wp8) (< wpa81))
      Microsoft.NETCore.Targets (>= 1.1) - restriction: || (&& (< monoandroid) (< monotouch) (< net45) (>= netstandard1.3) (< win8) (< wpa81) (< xamarinios) (< xamarinmac) (< xamarintvos) (< xamarinwatchos)) (&& (< monoandroid) (< net45) (>= netstandard1.0) (< netstandard1.3) (< win8) (< wp8) (< wpa81))
      System.Runtime (>= 4.3) - restriction: || (&& (< monoandroid) (< monotouch) (< net45) (>= netstandard1.3) (< win8) (< wpa81) (< xamarinios) (< xamarinmac) (< xamarintvos) (< xamarinwatchos)) (&& (< monoandroid) (< net45) (>= netstandard1.0) (< netstandard1.3) (< win8) (< wp8) (< wpa81))
    System.Text.Encoding.CodePages (5.0) - restriction: || (&& (< net472) (>= netstandard2.0)) (>= netcoreapp3.1)
      Microsoft.NETCore.Platforms (>= 5.0) - restriction: || (&& (< monoandroid) (>= netcoreapp2.0) (< xamarinios) (< xamarinmac) (< xamarintvos) (< xamarinwatchos)) (>= net5.0)
      System.Runtime.CompilerServices.Unsafe (>= 5.0) - restriction: || (&& (< monoandroid) (< net5.0) (>= netcoreapp2.0) (< xamarinios) (< xamarinmac) (< xamarintvos) (< xamarinwatchos)) (&& (< net46) (< netcoreapp2.0) (>= netstandard2.0) (< xamarinios) (< xamarinmac) (< xamarintvos) (< xamarinwatchos)) (>= net461)
    System.Text.Encoding.Extensions (4.3) - restriction: && (< net46) (>= netstandard2.0) (< xamarinios) (< xamarinmac) (< xamarintvos) (< xamarinwatchos)
      Microsoft.NETCore.Platforms (>= 1.1) - restriction: || (&& (< monoandroid) (< monotouch) (< net45) (>= netstandard1.3) (< win8) (< wpa81) (< xamarinios) (< xamarinmac) (< xamarintvos) (< xamarinwatchos)) (&& (< monoandroid) (< net45) (>= netstandard1.0) (< netstandard1.3) (< win8) (< wp8) (< wpa81))
      Microsoft.NETCore.Targets (>= 1.1) - restriction: || (&& (< monoandroid) (< monotouch) (< net45) (>= netstandard1.3) (< win8) (< wpa81) (< xamarinios) (< xamarinmac) (< xamarintvos) (< xamarinwatchos)) (&& (< monoandroid) (< net45) (>= netstandard1.0) (< netstandard1.3) (< win8) (< wp8) (< wpa81))
      System.Runtime (>= 4.3) - restriction: || (&& (< monoandroid) (< monotouch) (< net45) (>= netstandard1.3) (< win8) (< wpa81) (< xamarinios) (< xamarinmac) (< xamarintvos) (< xamarinwatchos)) (&& (< monoandroid) (< net45) (>= netstandard1.0) (< netstandard1.3) (< win8) (< wp8) (< wpa81))
      System.Text.Encoding (>= 4.3) - restriction: || (&& (< monoandroid) (< monotouch) (< net45) (>= netstandard1.3) (< win8) (< wpa81) (< xamarinios) (< xamarinmac) (< xamarintvos) (< xamarinwatchos)) (&& (< monoandroid) (< net45) (>= netstandard1.0) (< netstandard1.3) (< win8) (< wp8) (< wpa81))
    System.Text.Encodings.Web (5.0.1) - restriction: >= netcoreapp3.1
    System.Text.Json (5.0.2) - restriction: >= netcoreapp3.1
      System.Runtime.CompilerServices.Unsafe (>= 5.0) - restriction: || (&& (>= monoandroid) (< netstandard2.0)) (&& (< monoandroid) (< net5.0) (>= netcoreapp3.0) (< xamarinios) (< xamarinmac) (< xamarintvos) (< xamarinwatchos)) (&& (< monoandroid) (>= netcoreapp2.0) (< netcoreapp2.1) (< xamarinios) (< xamarinmac) (< xamarintvos) (< xamarinwatchos)) (&& (< monoandroid) (>= netcoreapp2.1) (< netcoreapp3.0) (< xamarinios) (< xamarinmac) (< xamarintvos) (< xamarinwatchos)) (>= monotouch) (>= net461) (&& (< netcoreapp2.0) (>= netstandard2.0) (< xamarinios) (< xamarinmac) (< xamarintvos) (< xamarinwatchos)) (&& (< netcoreapp2.0) (>= xamarinios)) (&& (< netcoreapp2.0) (>= xamarinmac)) (&& (< netstandard2.0) (>= xamarintvos)) (&& (< netstandard2.0) (>= xamarinwatchos)) (>= uap10.1)
      System.Text.Encodings.Web (>= 5.0.1) - restriction: || (&& (>= monoandroid) (< netstandard2.0)) (&& (< monoandroid) (< net5.0) (>= netcoreapp3.0) (< xamarinios) (< xamarinmac) (< xamarintvos) (< xamarinwatchos)) (&& (< monoandroid) (>= netcoreapp2.0) (< netcoreapp2.1) (< xamarinios) (< xamarinmac) (< xamarintvos) (< xamarinwatchos)) (&& (< monoandroid) (>= netcoreapp2.1) (< netcoreapp3.0) (< xamarinios) (< xamarinmac) (< xamarintvos) (< xamarinwatchos)) (>= monotouch) (>= net461) (&& (< netcoreapp2.0) (>= netstandard2.0) (< xamarinios) (< xamarinmac) (< xamarintvos) (< xamarinwatchos)) (&& (< netcoreapp2.0) (>= xamarinios)) (&& (< netcoreapp2.0) (>= xamarinmac)) (&& (< netstandard2.0) (>= xamarintvos)) (&& (< netstandard2.0) (>= xamarinwatchos)) (>= uap10.1)
    System.Text.RegularExpressions (4.3.1) - restriction: && (< monoandroid) (>= netcoreapp3.1) (< xamarinios) (< xamarinmac) (< xamarintvos) (< xamarinwatchos)
      System.Runtime (>= 4.3.1) - restriction: || (&& (< monoandroid) (< net45) (>= netstandard1.0) (< netstandard1.3) (< win8) (< wp8) (< wpa81)) (&& (< monoandroid) (< net45) (>= netstandard1.3) (< netstandard1.6) (< win8) (< wpa81)) (&& (< monotouch) (< net45) (< netcoreapp1.1) (>= netstandard1.6) (< xamarinios) (< xamarinmac) (< xamarintvos) (< xamarinwatchos)) (&& (>= netcoreapp1.1) (< xamarinios) (< xamarinmac) (< xamarintvos) (< xamarinwatchos))
    System.Threading (4.3) - restriction: || (&& (< monoandroid) (< net45) (>= netstandard2.0) (< win8) (< wpa81) (< xamarinios) (< xamarinmac) (< xamarintvos) (< xamarinwatchos)) (&& (< monoandroid) (>= netcoreapp3.1) (< xamarinios) (< xamarinmac) (< xamarintvos) (< xamarinwatchos)) (&& (< net46) (>= netstandard2.0) (< xamarinios) (< xamarinmac) (< xamarintvos) (< xamarinwatchos))
      System.Runtime (>= 4.3) - restriction: || (&& (< monoandroid) (< monotouch) (< net45) (>= netstandard1.3) (< win8) (< wpa81) (< xamarinios) (< xamarinmac) (< xamarintvos) (< xamarinwatchos)) (&& (< monoandroid) (< net45) (>= netstandard1.0) (< netstandard1.3) (< win8) (< wp8) (< wpa81))
      System.Threading.Tasks (>= 4.3) - restriction: || (&& (< monoandroid) (< monotouch) (< net45) (>= netstandard1.3) (< win8) (< wpa81) (< xamarinios) (< xamarinmac) (< xamarintvos) (< xamarinwatchos)) (&& (< monoandroid) (< net45) (>= netstandard1.0) (< netstandard1.3) (< win8) (< wp8) (< wpa81))
    System.Threading.Tasks (4.3) - restriction: || (&& (< monoandroid) (< net45) (< netstandard1.3) (>= netstandard2.0) (< win8) (< wpa81)) (&& (< monoandroid) (< net45) (< netstandard1.4) (>= netstandard2.0) (< win8) (< wpa81)) (&& (< monoandroid) (< net45) (< netstandard1.5) (>= netstandard2.0) (< win8) (< wpa81)) (&& (< monoandroid) (< net46) (< netstandard1.6) (>= netstandard2.0)) (&& (< monoandroid) (>= netcoreapp3.1) (< xamarinios) (< xamarinmac) (< xamarintvos) (< xamarinwatchos)) (&& (< net45) (>= netstandard2.0) (< win8) (< wpa81) (< xamarinios) (< xamarinmac) (< xamarintvos) (< xamarinwatchos)) (&& (< net46) (>= netstandard2.0) (< xamarinios) (< xamarinmac) (< xamarintvos) (< xamarinwatchos))
      Microsoft.NETCore.Platforms (>= 1.1) - restriction: || (&& (< monoandroid) (< monotouch) (< net45) (>= netstandard1.3) (< win8) (< wpa81) (< xamarinios) (< xamarinmac) (< xamarintvos) (< xamarinwatchos)) (&& (< monoandroid) (< net45) (>= netstandard1.0) (< netstandard1.3) (< win8) (< wp8) (< wpa81))
      Microsoft.NETCore.Targets (>= 1.1) - restriction: || (&& (< monoandroid) (< monotouch) (< net45) (>= netstandard1.3) (< win8) (< wpa81) (< xamarinios) (< xamarinmac) (< xamarintvos) (< xamarinwatchos)) (&& (< monoandroid) (< net45) (>= netstandard1.0) (< netstandard1.3) (< win8) (< wp8) (< wpa81))
      System.Runtime (>= 4.3) - restriction: || (&& (< monoandroid) (< monotouch) (< net45) (>= netstandard1.3) (< win8) (< wpa81) (< xamarinios) (< xamarinmac) (< xamarintvos) (< xamarinwatchos)) (&& (< monoandroid) (< net45) (>= netstandard1.0) (< netstandard1.3) (< win8) (< wp8) (< wpa81))
    System.Threading.Tasks.Dataflow (5.0) - restriction: >= netstandard2.0
    System.Threading.Tasks.Extensions (4.5.4) - restriction: >= netcoreapp3.1
    System.Threading.Tasks.Parallel (4.3) - restriction: >= netstandard2.0
      System.Collections.Concurrent (>= 4.3) - restriction: || (&& (< monoandroid) (< monotouch) (< net45) (>= netstandard1.3) (< win8) (< wpa81) (< xamarinios) (< xamarinmac) (< xamarintvos) (< xamarinwatchos)) (&& (< monoandroid) (< net45) (>= netstandard1.1) (< netstandard1.3) (< win8) (< wpa81))
      System.Diagnostics.Debug (>= 4.3) - restriction: && (< monoandroid) (< monotouch) (< net45) (>= netstandard1.3) (< win8) (< wpa81) (< xamarinios) (< xamarinmac) (< xamarintvos) (< xamarinwatchos)
      System.Diagnostics.Tracing (>= 4.3) - restriction: && (< monoandroid) (< monotouch) (< net45) (>= netstandard1.3) (< win8) (< wpa81) (< xamarinios) (< xamarinmac) (< xamarintvos) (< xamarinwatchos)
      System.Resources.ResourceManager (>= 4.3) - restriction: && (< monoandroid) (< monotouch) (< net45) (>= netstandard1.3) (< win8) (< wpa81) (< xamarinios) (< xamarinmac) (< xamarintvos) (< xamarinwatchos)
      System.Runtime (>= 4.3) - restriction: || (&& (< monoandroid) (< monotouch) (< net45) (>= netstandard1.3) (< win8) (< wpa81) (< xamarinios) (< xamarinmac) (< xamarintvos) (< xamarinwatchos)) (&& (< monoandroid) (< net45) (>= netstandard1.1) (< netstandard1.3) (< win8) (< wpa81))
      System.Runtime.Extensions (>= 4.3) - restriction: && (< monoandroid) (< monotouch) (< net45) (>= netstandard1.3) (< win8) (< wpa81) (< xamarinios) (< xamarinmac) (< xamarintvos) (< xamarinwatchos)
      System.Threading (>= 4.3) - restriction: && (< monoandroid) (< monotouch) (< net45) (>= netstandard1.3) (< win8) (< wpa81) (< xamarinios) (< xamarinmac) (< xamarintvos) (< xamarinwatchos)
      System.Threading.Tasks (>= 4.3) - restriction: || (&& (< monoandroid) (< monotouch) (< net45) (>= netstandard1.3) (< win8) (< wpa81) (< xamarinios) (< xamarinmac) (< xamarintvos) (< xamarinwatchos)) (&& (< monoandroid) (< net45) (>= netstandard1.1) (< netstandard1.3) (< win8) (< wpa81))
    System.Threading.Thread (4.3) - restriction: >= netstandard2.0
      System.Runtime (>= 4.3) - restriction: && (< monoandroid) (< monotouch) (< net46) (>= netstandard1.3) (< xamarinios) (< xamarinmac) (< xamarintvos) (< xamarinwatchos)
    System.Threading.ThreadPool (4.3) - restriction: >= netstandard2.0
      System.Runtime (>= 4.3) - restriction: && (< monoandroid) (< monotouch) (< net46) (>= netstandard1.3) (< xamarinios) (< xamarinmac) (< xamarintvos) (< xamarinwatchos)
      System.Runtime.Handles (>= 4.3) - restriction: && (< monoandroid) (< monotouch) (< net46) (>= netstandard1.3) (< xamarinios) (< xamarinmac) (< xamarintvos) (< xamarinwatchos)
    System.ValueTuple (4.5) - restriction: || (&& (>= net45) (< net46) (< netstandard1.6) (>= netstandard2.0)) (&& (< net45) (>= netstandard2.0)) (&& (>= net46) (< netstandard1.6) (>= netstandard2.0)) (&& (>= net47) (>= netstandard2.0))
    System.Windows.Extensions (5.0) - restriction: >= netcoreapp3.0
      System.Drawing.Common (>= 5.0) - restriction: >= netcoreapp3.0
    System.Xml.XmlDocument (4.3) - restriction: || (&& (< monoandroid9.0) (< netcoreapp2.1) (>= netcoreapp3.1) (< xamarinmac)) (&& (>= netcoreapp3.1) (>= xamarinios))
    TaskBuilder.fs (2.1) - restriction: >= netstandard2.0
      FSharp.Core (>= 4.1.17) - restriction: || (&& (>= net45) (< net46) (< netstandard1.6)) (&& (< net45) (>= netstandard1.6)) (&& (>= net46) (< netstandard1.6)) (>= net47)
      NETStandard.Library (>= 1.6.1) - restriction: && (< net45) (>= netstandard1.6)
      System.ValueTuple (>= 4.4) - restriction: || (&& (>= net45) (< net46) (< netstandard1.6)) (&& (< net45) (>= netstandard1.6)) (&& (>= net46) (< netstandard1.6)) (>= net47)
    Wcwidth (0.4) - restriction: >= netcoreapp3.1
    Xamarin.AndroidX.Annotation (1.2.0.1) - restriction: && (>= monoandroid10.0) (>= netcoreapp3.1)
      Xamarin.AndroidX.Migration (>= 1.0.8) - restriction: >= monoandroid9.0
    Xamarin.AndroidX.Annotation.Experimental (1.1.0.1) - restriction: && (>= monoandroid10.0) (>= netcoreapp3.1)
    Xamarin.AndroidX.Arch.Core.Common (2.1.0.9) - restriction: && (>= monoandroid10.0) (>= netcoreapp3.1)
      Xamarin.AndroidX.Annotation (>= 1.2.0.1) - restriction: >= monoandroid9.0
    Xamarin.AndroidX.Arch.Core.Runtime (2.1.0.9) - restriction: && (>= monoandroid10.0) (>= netcoreapp3.1)
      Xamarin.AndroidX.Annotation (>= 1.2.0.1) - restriction: >= monoandroid9.0
      Xamarin.AndroidX.Arch.Core.Common (>= 2.1.0.9) - restriction: >= monoandroid9.0
    Xamarin.AndroidX.Browser (1.3.0.6) - restriction: && (>= monoandroid10.0) (>= netcoreapp3.1)
      Xamarin.AndroidX.Annotation (>= 1.2.0.1) - restriction: >= monoandroid9.0
      Xamarin.AndroidX.Collection (>= 1.1.0.8) - restriction: >= monoandroid9.0
      Xamarin.AndroidX.Concurrent.Futures (>= 1.1.0.3) - restriction: >= monoandroid9.0
      Xamarin.AndroidX.Core (>= 1.6.0.1) - restriction: >= monoandroid9.0
      Xamarin.AndroidX.Interpolator (>= 1.0.0.8) - restriction: >= monoandroid9.0
      Xamarin.Google.Guava.ListenableFuture (>= 1.0.0.2) - restriction: >= monoandroid9.0
    Xamarin.AndroidX.Collection (1.1.0.8) - restriction: && (>= monoandroid10.0) (>= netcoreapp3.1)
      Xamarin.AndroidX.Annotation (>= 1.2.0.1) - restriction: >= monoandroid9.0
    Xamarin.AndroidX.Concurrent.Futures (1.1.0.3) - restriction: && (>= monoandroid10.0) (>= netcoreapp3.1)
      Xamarin.AndroidX.Annotation (>= 1.2.0.1) - restriction: >= monoandroid9.0
      Xamarin.Google.Guava.ListenableFuture (>= 1.0.0.2) - restriction: >= monoandroid9.0
    Xamarin.AndroidX.Core (1.6.0.1) - restriction: && (>= monoandroid10.0) (>= netcoreapp3.1)
      Xamarin.AndroidX.Annotation (>= 1.2.0.1) - restriction: >= monoandroid9.0
      Xamarin.AndroidX.Annotation.Experimental (>= 1.1.0.1) - restriction: >= monoandroid9.0
      Xamarin.AndroidX.Collection (>= 1.1.0.8) - restriction: >= monoandroid9.0
      Xamarin.AndroidX.Lifecycle.Runtime (>= 2.3.1.2) - restriction: >= monoandroid9.0
      Xamarin.AndroidX.VersionedParcelable (>= 1.1.1.8) - restriction: >= monoandroid9.0
    Xamarin.AndroidX.Interpolator (1.0.0.8) - restriction: && (>= monoandroid10.0) (>= netcoreapp3.1)
      Xamarin.AndroidX.Annotation (>= 1.2.0.1) - restriction: >= monoandroid9.0
    Xamarin.AndroidX.Lifecycle.Common (2.3.1.1) - restriction: && (>= monoandroid10.0) (>= netcoreapp3.1)
      Xamarin.AndroidX.Annotation (>= 1.2.0.1) - restriction: >= monoandroid9.0
    Xamarin.AndroidX.Lifecycle.Runtime (2.3.1.2) - restriction: && (>= monoandroid10.0) (>= netcoreapp3.1)
      Xamarin.AndroidX.Annotation (>= 1.2.0.1) - restriction: >= monoandroid9.0
      Xamarin.AndroidX.Arch.Core.Common (>= 2.1.0.9) - restriction: >= monoandroid9.0
      Xamarin.AndroidX.Arch.Core.Runtime (>= 2.1.0.9) - restriction: >= monoandroid9.0
      Xamarin.AndroidX.Lifecycle.Common (>= 2.3.1.1) - restriction: >= monoandroid9.0
    Xamarin.AndroidX.Migration (1.0.8) - restriction: && (>= monoandroid10.0) (>= netcoreapp3.1)
      Xamarin.AndroidX.MultiDex (>= 2.0.1.5) - restriction: >= monoandroid9.0
    Xamarin.AndroidX.MultiDex (2.0.1.8) - restriction: && (>= monoandroid10.0) (>= netcoreapp3.1)
    Xamarin.AndroidX.VersionedParcelable (1.1.1.8) - restriction: && (>= monoandroid10.0) (>= netcoreapp3.1)
      Xamarin.AndroidX.Annotation (>= 1.2.0.1) - restriction: >= monoandroid9.0
      Xamarin.AndroidX.Collection (>= 1.1.0.8) - restriction: >= monoandroid9.0
    Xamarin.Google.Guava.ListenableFuture (1.0.0.3) - restriction: && (>= monoandroid10.0) (>= netcoreapp3.1)
  remote: paket-files/github.com/AngelMunoz/Migrondi/dist
    Migrondi.Lib (0.7.0)
      FSharp.Core (>= 5.0.2) - restriction: >= netcoreapp3.1
      FSharp.SystemTextJson (>= 0.17.4) - restriction: >= netcoreapp3.1
      FsToolkit.ErrorHandling (>= 2.7) - restriction: >= netcoreapp3.1
      Microsoft.Data.SqlClient (>= 3.0) - restriction: >= netcoreapp3.1
      Microsoft.Data.Sqlite (>= 5.0.8) - restriction: >= netcoreapp3.1
      RepoDb (>= 1.12.7) - restriction: >= netcoreapp3.1
      RepoDb.MySql (>= 1.1.4) - restriction: >= netcoreapp3.1
      RepoDb.PostgreSql (>= 1.1.3) - restriction: >= netcoreapp3.1
      RepoDb.SqLite (>= 1.1.3) - restriction: >= netcoreapp3.1
      RepoDb.SqlServer (>= 1.1.3) - restriction: >= netcoreapp3.1
      Spectre.Console (>= 0.41) - restriction: >= netcoreapp3.1
      System.IO.FileSystem (>= 4.3) - restriction: >= netcoreapp3.1
      System.Net.Primitives (>= 4.3.1) - restriction: >= netcoreapp3.1
GIT
  remote: https://github.com/AngelMunoz/Migrondi.git
     (677db2b4fafdb3715866f4e5a37bf988713880e6)
      build: dotnet fsi build.fsx -t PackNugets
      path: /dist/